{
	"Modality": "MR",
	"MagneticFieldStrength": 7,
	"ImagingFrequency": 297.099,
	"Manufacturer": "Siemens",
	"ManufacturersModelName": "Terra",
	"InstitutionName": "St. Olav Hospital",
	"InstitutionalDepartmentName": "Department",
	"InstitutionAddress": "Prinsesse Kristinas Gate 1,Trondheim,District,NO,7030",
	"DeviceSerialNumber": "79123",
	"StationName": "AWP79123",
	"BodyPartExamined": "CSPINE",
	"PatientPosition": "HFS",
	"ProcedureStepDescription": "Johanna^TSSfinal",
	"SoftwareVersions": "syngo MR E12",
	"MRAcquisitionType": "2D",
	"SeriesDescription": "tfl_sag_2p5mmISO_largeFOV_RefVolOpt_ND",
	"ProtocolName": "tfl_sag_2p5mmISO_largeFOV_RefVolOpt",
	"ScanningSequence": "GR",
	"SequenceVariant": "SK\\SP",
	"SequenceName": "tfl2d1_512",
	"ImageType": ["ORIGINAL", "PRIMARY", "FLIP ANGLE MAP", "ND"],
	"NonlinearGradientCorrection": false,
	"SeriesNumber": 8,
	"AcquisitionTime": "15:34:20.092500",
	"AcquisitionNumber": 1,
	"ImageComments": "flip angle map, TraRefAmpl: 408.0 V",
	"SliceThickness": 2.5,
	"SpacingBetweenSlices": 5,
	"SAR": 0.0401077,
	"EchoTime": 0.00231,
	"RepetitionTime": 34.42,
	"SpoilingState": true,
	"FlipAngle": 90,
	"PartialFourier": 1,
	"BaseResolution": 144,
	"ShimSetting": [
		151,
		-6322,
		-1303,
		-1580,
		-674,
		4494,
		-1988,
		-211	],
	"TxRefAmp": 408,
	"PhaseResolution": 1,
	"ReceiveCoilName": "24CH_C-Spine",
	"ReceiveCoilActiveElements": "A01-04;B05-08;C09-12;D13-16;E17-20;H21-24",
	"PulseSequenceDetails": "%SiemensSeq%\\tfl_b1map",
	"CoilCombinationMethod": "Sum of Squares",
	"ConsistencyInfo": "N4_VE12U_LATEST_20181126",
	"MatrixCoilMode": "SENSE",
	"PercentPhaseFOV": 61.1111,
	"PercentSampling": 100,
	"PhaseEncodingSteps": 88,
	"AcquisitionMatrixPE": 88,
	"ReconMatrixPE": 88,
	"PixelBandwidth": 400,
	"DwellTime": 8.7e-06,
	"PhaseEncodingDirection": "i",
	"SliceTiming": [
		17.3281,
		0,
		17.9531,
		0.625,
		18.5781,
		1.25,
		19.1875,
		1.85938,
		19.8125,
		2.48438,
		20.4375,
		3.10938,
		21.0469,
		3.71875,
		21.6719,
		4.34375,
		22.2813,
		4.95313,
		22.9063,
		5.57813,
		23.5313,
		6.20313,
		24.1406,
		6.8125,
		24.7656,
		7.4375,
		25.375,
		8.04688,
		26,
		8.67188,
		26.625,
		9.29688,
		27.2344,
		9.90625,
		27.8594,
		10.5313,
		28.4688,
		11.1406,
		29.0938,
		11.7656,
		29.7188,
		12.3906,
		30.3281,
		13,
		30.9531,
		13.625,
		31.5625,
		14.2344,
		32.1875,
		14.8594,
		32.8125,
		15.4844,
		33.4219,
		16.0938,
		34.0469,
		16.7188	],
	"ImageOrientationPatientDICOM": [
		0,
		1,
		0,
		0,
		0,
		-1	],
	"ImageOrientationText": "Sag",
	"InPlanePhaseEncodingDirectionDICOM": "ROW",
	"ConversionSoftware": "dcm2niix",
	"ConversionSoftwareVersion": "v1.0.20220720"
}
