{
	"Modality": "MR",
	"MagneticFieldStrength": 7,
	"ImagingFrequency": 297.191,
	"Manufacturer": "Siemens",
	"ManufacturersModelName": "Terra",
	"InstitutionName": "CEMEREM 7T",
	"InstitutionalDepartmentName": "CEMEREM",
	"InstitutionAddress": "RUE ST PIERRE 264,Marseille,District,FR,13006",
	"DeviceSerialNumber": "79132",
	"StationName": "AWP79132",
	"BodyPartExamined": "CSPINE",
	"PatientPosition": "HFS",
	"ProcedureStepDescription": "VCAL^THS_fMRI_coilQA",
	"SoftwareVersions": "syngo MR E12",
	"MRAcquisitionType": "2D",
	"SeriesDescription": "gre_2mmISO_multichannel_uncomb",
	"ProtocolName": "gre_2mmISO_multichannel_uncomb",
	"ScanningSequence": "GR",
	"SequenceVariant": "SP",
	"SequenceName": "*fl2d1",
	"ImageType": ["ORIGINAL", "PRIMARY", "M", "DIS3D", "DIS2D"],
	"NonlinearGradientCorrection": true,
	"SeriesNumber": 52,
	"AcquisitionTime": "14:55:36.817500",
	"AcquisitionNumber": 1,
	"SliceThickness": 2,
	"SpacingBetweenSlices": 2,
	"SAR": 0.0626563,
	"EchoTime": 0.0038,
	"RepetitionTime": 0.55,
	"FlipAngle": 30,
	"PartialFourier": 1,
	"BaseResolution": 192,
	"ShimSetting": [
		1409,
		-829,
		71,
		-1153,
		41,
		-147,
		826,
		619	],
	"TxRefAmp": 387,
	"PhaseResolution": 1,
	"ReceiveCoilName": "1Tx8Rx_CSpine",
	"ReceiveCoilActiveElements": "CSP",
	"PulseSequenceDetails": "%SiemensSeq%\\gre",
	"CoilCombinationMethod": "Sum of Squares",
	"ConsistencyInfo": "N4_VE12U_LATEST_20181126",
	"MatrixCoilMode": "SENSE",
	"MultibandAccelerationFactor": 2,
	"PercentPhaseFOV": 75,
	"PercentSampling": 100,
	"PhaseEncodingSteps": 144,
	"AcquisitionMatrixPE": 144,
	"ReconMatrixPE": 144,
	"PixelBandwidth": 320,
	"DwellTime": 8.1e-06,
	"PhaseEncodingDirection": "i",
	"SliceTiming": [
		0.26563,
		0,
		0.28125,
		0.01563,
		0.29688,
		0.01563,
		0.3125,
		0.03125,
		0.32813,
		0.04688,
		0.32813,
		0.0625,
		0.34375,
		0.07813,
		0.35938,
		0.07813,
		0.375,
		0.09375,
		0.39063,
		0.10938,
		0.39063,
		0.125,
		0.40625,
		0.14063,
		0.42188,
		0.14063,
		0.4375,
		0.15625,
		0.45313,
		0.17188,
		0.45313,
		0.1875,
		0.46875,
		0.20313,
		0.48438,
		0.20313,
		0.5,
		0.21875,
		0.51563,
		0.23438,
		0.51563,
		0.25,
		0.53125,
		0.26563	],
	"ImageOrientationPatientDICOM": [
		0,
		1,
		0,
		0,
		0,
		-1	],
	"ImageOrientationText": "Sag",
	"InPlanePhaseEncodingDirectionDICOM": "ROW",
	"ConversionSoftware": "dcm2niix",
	"ConversionSoftwareVersion": "v1.0.20220720"
}
