{
	"Modality": "MR",
	"MagneticFieldStrength": 6.98,
	"ImagingFrequency": 297.215,
	"Manufacturer": "Siemens",
	"ManufacturersModelName": "Investigational_Device_7T",
	"DeviceSerialNumber": "18973",
	"PatientPosition": "HFS",
	"SoftwareVersions": "syngo MR B17",
	"MRAcquisitionType": "2D",
	"SeriesDescription": "GFactor",
	"ProtocolName": "CoilQA_axi_RL_FOV192_0p5x0p5x5p0",
	"ScanningSequence": "RM",
	"SequenceVariant": "SP",
	"SequenceName": "fl_nmsm2d1",
	"ImageType": ["ORIGINAL", "PRIMARY", "M", "ND"],
	"NonlinearGradientCorrection": false,
	"SeriesNumber": 39,
	"AcquisitionNumber": 1,
	"SliceThickness": 5,
	"SpacingBetweenSlices": 20,
	"SAR": 0.0054675,
	"NumberOfAverages": 2,
	"FlipAngle": 12,
	"PercentPhaseFOV": 100,
	"PercentSampling": 100,
	"PhaseEncodingSteps": 384,
	"AcquisitionMatrixPE": 384,
	"ReconMatrixPE": 768,
	"PixelBandwidth": 200,
	"PhaseEncodingAxis": "i",
	"SliceTiming": [
		0,
		23.125,
		46.2656,
		69.3906,
		92.5313,
		75.6563,
		98.7969	],
	"ImageOrientationPatientDICOM": [
		1,
		-2.05103e-10,
		0,
		2.05103e-10,
		1,
		0	],
	"InPlanePhaseEncodingDirectionDICOM": "ROW",
	"ConversionSoftware": "dcm2niix",
	"ConversionSoftwareVersion": "v1.0.20220720"
}
