{
	"Modality": "MR",
	"MagneticFieldStrength": 6.98,
	"ImagingFrequency": 297.215,
	"Manufacturer": "Siemens",
	"ManufacturersModelName": "Investigational_Device_7T",
	"DeviceSerialNumber": "18973",
	"PatientPosition": "HFS",
	"SoftwareVersions": "syngo MR B17",
	"MRAcquisitionType": "2D",
	"SeriesDescription": "preSatTFL_satFA80_sag_2p5mm_FOV320_RefV350V",
	"ProtocolName": "preSatTFL_satFA80_sag_2p5mm_FOV320_RefV350V",
	"ScanningSequence": "GR",
	"SequenceVariant": "SP",
	"SequenceName": "tfl2d1",
	"SeriesNumber": 2,
	"AcquisitionNumber": 1,
	"SliceThickness": 2.5,
	"SpacingBetweenSlices": 5,
	"SAR": 0.0397308,
	"EchoTime": 0.00284,
	"RepetitionTime": 20,
	"FlipAngle": 80,
	"PercentPhaseFOV": 68.75,
	"PercentSampling": 100,
	"PhaseEncodingSteps": 88,
	"AcquisitionMatrixPE": 88,
	"ReconMatrixPE": 88,
	"PixelBandwidth": 399,
	"PhaseEncodingAxis": "i",
	"SliceTiming": [
		19.4375,
		59.7578,
		18.7188,
		59.0234,
		18,
		58.3047,
		17.2813,
		57.5859,
		16.5625,
		56.8672,
		15.8438,
		56.1484,
		15.1172,
		55.4297,
		14.3984,
		54.7109,
		13.6797,
		53.9922,
		12.9609,
		53.2734,
		12.2422,
		52.5547,
		11.5234,
		51.8359,
		10.7969,
		51.1172,
		10.0781,
		50.3984,
		9.35938,
		49.6797,
		8.64063,
		48.9453,
		7.92188,
		48.2266,
		7.20313,
		47.5078,
		6.47656,
		46.7891,
		5.75781,
		46.0703,
		5.03906,
		45.3516,
		4.32031,
		44.6328,
		3.60156,
		43.9141,
		2.88281,
		43.1953,
		2.16406,
		42.4766,
		1.44531,
		41.7578,
		0.72656,
		41.0391,
		0,
		40.3203	],
	"ImageOrientationPatientDICOM": [
		0,
		1,
		0,
		0,
		0,
		-1	],
	"InPlanePhaseEncodingDirectionDICOM": "ROW",
	"ConversionSoftware": "dcm2niix",
	"ConversionSoftwareVersion": "v1.0.20220720"
}
