{
	"Modality": "MR",
	"MagneticFieldStrength": 7,
	"ImagingFrequency": 297.212,
	"Manufacturer": "Siemens",
	"ManufacturersModelName": "Terra",
	"InstitutionName": "Wellcome Trust Centre Human Neuroimaging",
	"InstitutionalDepartmentName": "Terra",
	"InstitutionAddress": "Queens Square 12,London,London,GB,WC1N 3AR",
	"DeviceSerialNumber": "79120",
	"StationName": "AWP79120",
	"BodyPartExamined": "CSPINE",
	"PatientPosition": "HFS",
	"ProcedureStepDescription": "FIL Physics^Nadine",
	"SoftwareVersions": "syngo MR E12",
	"MRAcquisitionType": "2D",
	"SeriesDescription": "RefVolt_ND",
	"ProtocolName": "Dream2D_sag_2p5mmISO_mediumFOV_RefVolHWlim",
	"ScanningSequence": "RM",
	"SequenceVariant": "SK\\SP",
	"SequenceName": "master",
	"ImageType": ["ORIGINAL", "PRIMARY", "M", "ND", "REFVOLTMAP"],
	"NonlinearGradientCorrection": false,
	"SeriesNumber": 29,
	"AcquisitionTime": "11:55:9.010000",
	"AcquisitionNumber": 1,
	"ImageComments": "Reference Voltage Map; Mean: 419 V",
	"SliceThickness": 2.5,
	"SpacingBetweenSlices": 2.5,
	"SAR": 0.0032849,
	"EchoNumber": 2,
	"EchoTime": 0.0031,
	"RepetitionTime": 6,
	"SpoilingState": true,
	"FlipAngle": 50,
	"PartialFourier": 1,
	"BaseResolution": 80,
	"ShimSetting": [
		799,
		1114,
		-2154,
		166,
		-711,
		66,
		4605,
		-230	],
	"TxRefAmp": 500,
	"PhaseResolution": 1,
	"ReceiveCoilName": "1Tx8Rx_CSpine",
	"ReceiveCoilActiveElements": "CSP",
	"PulseSequenceDetails": "%CustomerSeq%\\ThreeDream",
	"WipMemBlock": "threedream 30e5ea5 v0.33",
	"CoilCombinationMethod": "Sum of Squares",
	"ConsistencyInfo": "N4_VE12U_LATEST_20181126",
	"MatrixCoilMode": "SENSE",
	"PercentPhaseFOV": 100,
	"PercentSampling": 100,
	"PhaseEncodingSteps": 80,
	"AcquisitionMatrixPE": 80,
	"ReconMatrixPE": 80,
	"PixelBandwidth": 1010,
	"DwellTime": 6.2e-06,
	"PhaseEncodingDirection": "i",
	"SliceTiming": [
		0,
		6,
		12,
		18,
		24,
		30,
		36,
		42,
		48,
		54,
		60	],
	"ImageOrientationPatientDICOM": [
		0,
		1,
		0,
		0,
		0,
		-1	],
	"ImageOrientationText": "Sag",
	"InPlanePhaseEncodingDirectionDICOM": "ROW",
	"ConversionSoftware": "dcm2niix",
	"ConversionSoftwareVersion": "v1.0.20220720"
}
