{
	"Modality": "MR",
	"MagneticFieldStrength": 7,
	"ImagingFrequency": 297.191214,
	"Manufacturer": "Siemens",
	"ManufacturersModelName": "Terra",
	"InstitutionName": "MPI CBS",
	"InstitutionAddress": "Stephanstrasse 1a,Leipzig,Leipzig,DE,04103",
	"DeviceSerialNumber": "79125",
	"StationName": "SEPTEMSYS",
	"BodyPartExamined": "CSPINE",
	"PatientPosition": "HFS",
	"ProcedureStepDescription": "FE^TravelingSpine_Run",
	"SoftwareVersions": "syngo MR E12",
	"MRAcquisitionType": "3D",
	"SeriesDescription": "t1_mp2rage_cor_nonSelHS1_0.7iso_370_INV2",
	"ProtocolName": "t1_mp2rage_cor_nonSelHS1_0.7iso_370",
	"ScanningSequence": "GR\\IR",
	"SequenceVariant": "SK\\SP\\MP",
	"ScanOptions": "IR\\PFP",
	"SequenceName": "tfl3d1_16ns",
	"ImageType": ["ORIGINAL", "PRIMARY", "M", "DIS3D", "DIS2D"],
	"NonlinearGradientCorrection": true,
	"SeriesNumber": 81,
	"AcquisitionTime": "13:56:46.672500",
	"AcquisitionNumber": 1,
	"SliceThickness": 0.7,
	"SAR": 0.108509,
	"EchoTime": 0.00215,
	"RepetitionTime": 5,
	"SpoilingState": true,
	"InversionTime": 2.4,
	"FlipAngle": 5,
	"PartialFourier": 0.75,
	"BaseResolution": 368,
	"ShimSetting": [
		-1079,
		582,
		106,
		-58,
		-57,
		-158,
		-149,
		5	],
	"TxRefAmp": 370,
	"PhaseResolution": 1,
	"ReceiveCoilName": "24CH_SpinalCord",
	"ReceiveCoilActiveElements": "A01-08;D09-16;E17-20;H21-24",
	"PulseSequenceDetails": "%CustomerSeq%\\crmbm_tfl",
	"RefLinesPE": 28,
	"CoilCombinationMethod": "Sum of Squares",
	"ConsistencyInfo": "N4_VE12U_LATEST_20181126",
	"MatrixCoilMode": "GRAPPA",
	"PercentPhaseFOV": 65.7609,
	"PercentSampling": 100,
	"PhaseEncodingSteps": 182,
	"AcquisitionMatrixPE": 242,
	"ReconMatrixPE": 242,
	"ParallelReductionFactorInPlane": 2,
	"PixelBandwidth": 220,
	"ImageOrientationPatientDICOM": [
		0.999927,
		0.00033461,
		-0.012098,
		-0.0120267,
		0.139242,
		-0.990185	],
	"InPlanePhaseEncodingDirectionDICOM": "ROW",
	"BidsGuess": ["anat","_acq-tfl3_run-81_inv-2_MP2RAGE"],
	"ConversionSoftware": "dcm2niix",
	"ConversionSoftwareVersion": "v1.0.20240202"
}
