{
	"Modality": "MR",
	"MagneticFieldStrength": 6.98,
	"ImagingFrequency": 297.215,
	"Manufacturer": "Siemens",
	"ManufacturersModelName": "Investigational_Device_7T",
	"DeviceSerialNumber": "18973",
	"PatientPosition": "HFS",
	"SoftwareVersions": "syngo MR B17",
	"MRAcquisitionType": "2D",
	"SeriesDescription": "t2s_gre_7lvl7sl_0p4_4te_2mm_notrig_Pstab",
	"ProtocolName": "t2s_gre_7lvl7sl_0p4_4te_2mm_notrig_Pstab",
	"ScanningSequence": "GR",
	"SequenceVariant": "SP",
	"ScanOptions": "PFP",
	"SequenceName": "*fl2d5",
	"ImageType": ["ORIGINAL", "PRIMARY", "M", "ND"],
	"NonlinearGradientCorrection": false,
	"SeriesNumber": 18,
	"AcquisitionNumber": 1,
	"SliceThickness": 3,
	"SpacingBetweenSlices": 6,
	"SAR": 0.0642567,
	"EchoNumber": 5,
	"EchoTime": 0.02228,
	"RepetitionTime": 0.4,
	"FlipAngle": 39,
	"PercentPhaseFOV": 100,
	"PercentSampling": 100,
	"PhaseEncodingSteps": 384,
	"AcquisitionMatrixPE": 512,
	"ReconMatrixPE": 512,
	"PixelBandwidth": 250,
	"PhaseEncodingAxis": "j",
	"ImageOrientationPatientDICOM": [
		1,
		0,
		0,
		0,
		0.926529,
		0.376224	],
	"InPlanePhaseEncodingDirectionDICOM": "COL",
	"ConversionSoftware": "dcm2niix",
	"ConversionSoftwareVersion": "v1.0.20220720"
}
