{
	"Modality": "MR",
	"MagneticFieldStrength": 7,
	"ImagingFrequency": 297.199,
	"Manufacturer": "Siemens",
	"ManufacturersModelName": "Investigational_Device_7T",
	"InstitutionName": "BIC",
	"InstitutionalDepartmentName": "Department",
	"InstitutionAddress": "Street StreetNo,City,District,CA,ZIP",
	"DeviceSerialNumber": "79017",
	"StationName": "AWP79017",
	"BodyPartExamined": "CSPINE",
	"PatientPosition": "HFS",
	"ProcedureStepDescription": "Development^Dr. Cohen-Adad",
	"SoftwareVersions": "syngo MR E12",
	"MRAcquisitionType": "2D",
	"SeriesDescription": "tfl_sag_2p5mmISO_largeFOV_RefVolOpt_ND",
	"ProtocolName": "tfl_sag_2p5mmISO_largeFOV_RefVolOpt",
	"ScanningSequence": "GR",
	"SequenceVariant": "SK\\SP",
	"SequenceName": "tfl2d1_512",
	"ImageType": ["ORIGINAL", "PRIMARY", "M", "ND"],
	"NonlinearGradientCorrection": false,
	"SeriesNumber": 6,
	"AcquisitionTime": "13:04:17.495000",
	"AcquisitionNumber": 1,
	"ImageComments": "anatomical image",
	"SliceThickness": 2.5,
	"SpacingBetweenSlices": 5,
	"SAR": 0.0344096,
	"EchoTime": 0.00231,
	"RepetitionTime": 34.42,
	"SpoilingState": true,
	"FlipAngle": 10,
	"PartialFourier": 1,
	"BaseResolution": 144,
	"ShimSetting": [
		166,
		18,
		-328,
		-1078,
		-72,
		559,
		688,
		-136	],
	"TxRefAmp": 464,
	"PhaseResolution": 1,
	"ReceiveCoilName": "NP11_ACDC_SPINE",
	"ReceiveCoilActiveElements": "1H;1H;1H;1H;1H;1H;1H;1H;1H;1H;1H;1H;1H;1H;1H;1H;1H;1H;1H;1H",
	"PulseSequenceDetails": "%SiemensSeq%\\tfl_b1map",
	"CoilCombinationMethod": "Sum of Squares",
	"ConsistencyInfo": "N4_VE12U_LATEST_20181126",
	"MatrixCoilMode": "SENSE",
	"PercentPhaseFOV": 61.1111,
	"PercentSampling": 100,
	"PhaseEncodingSteps": 88,
	"AcquisitionMatrixPE": 88,
	"ReconMatrixPE": 88,
	"PixelBandwidth": 400,
	"DwellTime": 8.7e-06,
	"PhaseEncodingDirection": "i",
	"SliceTiming": [
		17.3281,
		0,
		17.9453,
		0.61719,
		18.5625,
		1.23438,
		19.1797,
		1.85156,
		19.8047,
		2.47656,
		20.4219,
		3.09375,
		21.0391,
		3.71094,
		21.6562,
		4.32812,
		22.2734,
		4.94531,
		22.8906,
		5.5625,
		23.5156,
		6.1875,
		24.1328,
		6.80469,
		24.75,
		7.42188,
		25.3672,
		8.04688,
		25.9922,
		8.66406,
		26.6094,
		9.28125,
		27.2266,
		9.89844,
		27.8438,
		10.5156,
		28.4609,
		11.1328,
		29.0859,
		11.7578,
		29.7031,
		12.375,
		30.3203,
		12.9922,
		30.9375,
		13.6094,
		31.5547,
		14.2344,
		32.1797,
		14.8516,
		32.7969,
		15.4688,
		33.4141,
		16.0859,
		34.0312,
		16.7031	],
	"ImageOrientationPatientDICOM": [
		0,
		1,
		0,
		0,
		0,
		-1	],
	"ImageOrientationText": "Sag",
	"InPlanePhaseEncodingDirectionDICOM": "ROW",
	"ConversionSoftware": "dcm2niix",
	"ConversionSoftwareVersion": "v1.0.20220720"
}
