{
	"Modality": "MR",
	"MagneticFieldStrength": 7,
	"ImagingFrequency": 297.184,
	"Manufacturer": "Siemens",
	"ManufacturersModelName": "Investigational_Device_7T",
	"InstitutionName": "Hospital",
	"InstitutionalDepartmentName": "Department",
	"InstitutionAddress": "Street StreetNo,City,District,CA,ZIP",
	"DeviceSerialNumber": "79017",
	"StationName": "AWP79017",
	"BodyPartExamined": "CSPINE",
	"PatientPosition": "HFS",
	"ProcedureStepDescription": "Development^Dr. Cohen-Adad",
	"SoftwareVersions": "syngo MR E12",
	"MRAcquisitionType": "3D",
	"SeriesDescription": "t1_mp2rage_cor_nonSelHS1_0.7iso_INV2",
	"ProtocolName": "t1_mp2rage_cor_nonSelHS1_0.7iso",
	"ScanningSequence": "GR\\IR",
	"SequenceVariant": "SK\\SP\\MP",
	"ScanOptions": "IR\\PFP",
	"SequenceName": "tfl3d1_16ns",
	"ImageType": ["ORIGINAL", "PRIMARY", "M", "DIS3D", "DIS2D"],
	"NonlinearGradientCorrection": true,
	"SeriesNumber": 24,
	"AcquisitionTime": "16:40:57.225000",
	"AcquisitionNumber": 1,
	"SliceThickness": 0.7,
	"SAR": 0.0769349,
	"EchoTime": 0.00215,
	"RepetitionTime": 5,
	"SpoilingState": true,
	"InversionTime": 2.4,
	"FlipAngle": 5,
	"PartialFourier": 0.75,
	"BaseResolution": 368,
	"ShimSetting": [
		149,
		-1076,
		-1273,
		-597,
		629,
		4464,
		-2304,
		-397	],
	"TxRefAmp": 595.8,
	"PhaseResolution": 1,
	"ReceiveCoilName": "NP11_ACDC_SPINE",
	"ReceiveCoilActiveElements": "1H;1H;1H;1H;1H;1H;1H;1H;1H;1H;1H;1H;1H;1H;1H;1H;1H;1H;1H;1H",
	"PulseSequenceDetails": "%CustomerSeq%\\crmbm_tfl",
	"RefLinesPE": 28,
	"CoilCombinationMethod": "Sum of Squares",
	"ConsistencyInfo": "N4_VE12U_LATEST_20181126",
	"MatrixCoilMode": "GRAPPA",
	"PercentPhaseFOV": 65.7609,
	"PercentSampling": 100,
	"PhaseEncodingSteps": 182,
	"AcquisitionMatrixPE": 242,
	"ReconMatrixPE": 242,
	"ParallelReductionFactorInPlane": 2,
	"PixelBandwidth": 220,
	"DwellTime": 6.2e-06,
	"ImageOrientationPatientDICOM": [
		0.999922,
		0.00296309,
		-0.0121544,
		-0.0123917,
		0.101041,
		-0.994805	],
	"ImageOrientationText": "Cor>Tra(-5.8)>Sag(0.1)",
	"InPlanePhaseEncodingDirectionDICOM": "ROW",
	"ConversionSoftware": "dcm2niix",
	"ConversionSoftwareVersion": "v1.0.20220720"
}
