{
	"Modality": "MR",
	"MagneticFieldStrength": 7,
	"ImagingFrequency": 297.212,
	"Manufacturer": "Siemens",
	"ManufacturersModelName": "Terra",
	"InstitutionName": "Wellcome Trust Centre Human Neuroimaging",
	"InstitutionalDepartmentName": "Terra",
	"InstitutionAddress": "Queens Square 12,London,London,GB,WC1N 3AR",
	"DeviceSerialNumber": "79120",
	"StationName": "AWP79120",
	"BodyPartExamined": "CSPINE",
	"PatientPosition": "HFS",
	"ProcedureStepDescription": "FIL Physics^Nadine",
	"SoftwareVersions": "syngo MR E12",
	"MRAcquisitionType": "2D",
	"SeriesDescription": "coilQA_sag_FH_1p5x1p5x2mm_largeFOV_1Tx8Rx_CSpine_SNR_Map",
	"ProtocolName": "coilQA_sag_FH_1p5x1p5x2mm_largeFOV",
	"ScanningSequence": "RM",
	"SequenceVariant": "SP",
	"SequenceName": "*fl2d1",
	"ImageType": ["ORIGINAL", "PRIMARY", "M", "ND"],
	"NonlinearGradientCorrection": false,
	"SeriesNumber": 35,
	"AcquisitionTime": "09:25:37.550000",
	"AcquisitionNumber": 1,
	"ImageComments": "rss SNR [avg=24.32, max=614.73, scale=1.000, offset=0.000]",
	"SliceThickness": 2,
	"SpacingBetweenSlices": 2.4,
	"SAR": 0.00244077,
	"NumberOfAverages": 2,
	"FlipAngle": 12,
	"PartialFourier": 1,
	"BaseResolution": 256,
	"ShimSetting": [
		632,
		2016,
		-2032,
		-1084,
		-116,
		3460,
		617,
		-216	],
	"TxRefAmp": 270,
	"PhaseResolution": 1,
	"ReceiveCoilName": "1Tx8Rx_CSpine",
	"ReceiveCoilActiveElements": "CSP",
	"PulseSequenceDetails": "%ServiceSeq%\\coil_utils",
	"CoilCombinationMethod": "Adaptive Combine",
	"ConsistencyInfo": "N4_VE12U_LATEST_20181126",
	"MatrixCoilMode": "SENSE",
	"PercentPhaseFOV": 100,
	"PercentSampling": 100,
	"PhaseEncodingSteps": 256,
	"AcquisitionMatrixPE": 256,
	"ReconMatrixPE": 512,
	"PixelBandwidth": 200,
	"DwellTime": 9.8e-06,
	"PhaseEncodingDirection": "j-",
	"SliceTiming": [
		0,
		15.3594,
		30.7266,
		46.0859,
		61.4453,
		76.8047,
		92.1641,
		67.5234,
		82.8828,
		98.2422,
		113.602,
		128.961,
		144.32	],
	"ImageOrientationPatientDICOM": [
		0,
		1,
		0,
		0,
		0,
		-1	],
	"ImageOrientationText": "Sag",
	"InPlanePhaseEncodingDirectionDICOM": "COL",
	"ConversionSoftware": "dcm2niix",
	"ConversionSoftwareVersion": "v1.0.20220720"
}
