{
	"Modality": "MR",
	"MagneticFieldStrength": 7,
	"ImagingFrequency": 297.212,
	"Manufacturer": "Siemens",
	"ManufacturersModelName": "Terra",
	"InstitutionName": "Wellcome Trust Centre Human Neuroimaging",
	"InstitutionalDepartmentName": "Terra",
	"InstitutionAddress": "Queens Square 12,London,London,GB,WC1N 3AR",
	"DeviceSerialNumber": "79120",
	"StationName": "AWP79120",
	"BodyPartExamined": "CSPINE",
	"PatientPosition": "HFS",
	"ProcedureStepDescription": "FIL Physics^Nadine",
	"SoftwareVersions": "syngo MR E12",
	"MRAcquisitionType": "2D",
	"SeriesDescription": "tfl_sag_2p5mmISO_largeFOV_RefVolOpt_ND",
	"ProtocolName": "tfl_sag_2p5mmISO_largeFOV_RefVolOpt",
	"ScanningSequence": "GR",
	"SequenceVariant": "SK\\SP",
	"SequenceName": "tfl2d1_512",
	"ImageType": ["ORIGINAL", "PRIMARY", "FLIP ANGLE MAP", "ND"],
	"NonlinearGradientCorrection": false,
	"SeriesNumber": 9,
	"AcquisitionTime": "09:10:53.940000",
	"AcquisitionNumber": 1,
	"ImageComments": "flip angle map, TraRefAmpl: 270.0 V",
	"SliceThickness": 2.5,
	"SpacingBetweenSlices": 5,
	"SAR": 0.0178004,
	"EchoTime": 0.00231,
	"RepetitionTime": 34.42,
	"SpoilingState": true,
	"FlipAngle": 90,
	"PartialFourier": 1,
	"BaseResolution": 144,
	"ShimSetting": [
		658,
		2386,
		-1727,
		-388,
		-263,
		2341,
		-1494,
		-184	],
	"TxRefAmp": 270,
	"PhaseResolution": 1,
	"ReceiveCoilName": "1Tx8Rx_CSpine",
	"ReceiveCoilActiveElements": "CSP",
	"PulseSequenceDetails": "%SiemensSeq%\\tfl_b1map",
	"CoilCombinationMethod": "Sum of Squares",
	"ConsistencyInfo": "N4_VE12U_LATEST_20181126",
	"MatrixCoilMode": "SENSE",
	"PercentPhaseFOV": 61.1111,
	"PercentSampling": 100,
	"PhaseEncodingSteps": 88,
	"AcquisitionMatrixPE": 88,
	"ReconMatrixPE": 88,
	"PixelBandwidth": 400,
	"DwellTime": 8.7e-06,
	"PhaseEncodingDirection": "i",
	"SliceTiming": [
		17.3281,
		0,
		17.9531,
		0.625,
		18.5703,
		1.24219,
		19.1875,
		1.85938,
		19.8047,
		2.47656,
		20.4297,
		3.10156,
		21.0469,
		3.71875,
		21.6641,
		4.33594,
		22.2813,
		4.95313,
		22.8984,
		5.57031,
		23.5234,
		6.19531,
		24.1406,
		6.8125,
		24.7578,
		7.42969,
		25.375,
		8.04688,
		25.9922,
		8.67188,
		26.6172,
		9.28906,
		27.2344,
		9.90625,
		27.8516,
		10.5234,
		28.4688,
		11.1406,
		29.0859,
		11.7578,
		29.7109,
		12.3828,
		30.3281,
		13,
		30.9453,
		13.6172,
		31.5625,
		14.2422,
		32.1797,
		14.8594,
		32.8047,
		15.4766,
		33.4219,
		16.0938,
		34.0391,
		16.7109	],
	"ImageOrientationPatientDICOM": [
		0,
		1,
		0,
		0,
		0,
		-1	],
	"ImageOrientationText": "Sag",
	"InPlanePhaseEncodingDirectionDICOM": "ROW",
	"ConversionSoftware": "dcm2niix",
	"ConversionSoftwareVersion": "v1.0.20220720"
}
