{
	"Modality": "MR",
	"MagneticFieldStrength": 6.98,
	"ImagingFrequency": 297.215,
	"Manufacturer": "Siemens",
	"ManufacturersModelName": "Investigational_Device_7T",
	"InstitutionName": "BMEII",
	"InstitutionalDepartmentName": "Department",
	"InstitutionAddress": "Street StreetNo,/823E50/New York City,District,US,ZIP",
	"DeviceSerialNumber": "18973",
	"StationName": "MEDPC",
	"PatientPosition": "HFS",
	"ProcedureStepDescription": "RESEARCH^GCO-20-8888D-A.Seifert",
	"SoftwareVersions": "syngo MR B17",
	"MRAcquisitionType": "2D",
	"SeriesDescription": "RefVolt_ND",
	"ProtocolName": "2DREAM_sag_FOV200_2p5mm_RefV281V",
	"ScanningSequence": "RM",
	"SequenceVariant": "SK\\SP",
	"SequenceName": "develop",
	"ImageType": ["ORIGINAL", "PRIMARY", "OTHER", "ND", "REFVOLTMAP"],
	"NonlinearGradientCorrection": false,
	"SeriesNumber": 18,
	"AcquisitionTime": "12:40:9.855000",
	"AcquisitionNumber": 1,
	"ImageComments": "Transmitter Reference Map (Volt)",
	"SliceThickness": 2.5,
	"SpacingBetweenSlices": 2.5,
	"SAR": 0.0118232,
	"EchoNumber": 2,
	"EchoTime": 0.00305,
	"RepetitionTime": 6,
	"SpoilingState": true,
	"FlipAngle": 50,
	"PartialFourier": 1,
	"BaseResolution": 80,
	"ShimSetting": [
		-79,
		52,
		-490,
		-1911,
		84,
		340,
		3371,
		-256	],
	"TxRefAmp": 281,
	"PhaseResolution": 1,
	"ReceiveCoilName": "Spinal_Cord_7T",
	"CoilString": "C:C10-22;Ch1-9",
	"PulseSequenceDetails": "%CustomerSeq%\\3Dream_2d",
	"CoilCombinationMethod": "Sum of Squares",
	"MatrixCoilMode": "SENSE",
	"PercentPhaseFOV": 100,
	"PercentSampling": 100,
	"EchoTrainLength": 80,
	"PhaseEncodingSteps": 80,
	"AcquisitionMatrixPE": 80,
	"ReconMatrixPE": 80,
	"PixelBandwidth": 1008,
	"DwellTime": 6.2e-06,
	"PhaseEncodingDirection": "i",
	"SliceTiming": [
		0,
		6.03125,
		12.0547,
		18.0781,
		24.1016,
		30.125,
		36.1484,
		42.1719,
		48.1953,
		54.2188,
		60.2422	],
	"ImageOrientationPatientDICOM": [
		0,
		1,
		0,
		0,
		0,
		-1	],
	"ImageOrientationText": "Sag",
	"InPlanePhaseEncodingDirectionDICOM": "ROW",
	"ConversionSoftware": "dcm2niix",
	"ConversionSoftwareVersion": "v1.0.20220720"
}
