{
	"Modality": "MR",
	"MagneticFieldStrength": 6.98,
	"ImagingFrequency": 297.215,
	"Manufacturer": "Siemens",
	"ManufacturersModelName": "Investigational_Device_7T",
	"InstitutionName": "BMEII",
	"InstitutionalDepartmentName": "Department",
	"InstitutionAddress": "Street StreetNo,/823E50/New York City,District,US,ZIP",
	"DeviceSerialNumber": "18973",
	"StationName": "MEDPC",
	"PatientPosition": "HFS",
	"ProcedureStepDescription": "RESEARCH^GCO-20-8888D-A.Seifert",
	"SoftwareVersions": "syngo MR B17",
	"MRAcquisitionType": "2D",
	"SeriesDescription": "SNRMap",
	"ProtocolName": "CoilQA_sag_HF_FOV384_1p5x1p5x2p0",
	"ScanningSequence": "RM",
	"SequenceVariant": "SP",
	"SequenceName": "fl_nmsm2d1",
	"ImageType": ["ORIGINAL", "PRIMARY", "M", "DIS2D"],
	"NonlinearGradientCorrection": true,
	"SeriesNumber": 30,
	"AcquisitionTime": "12:45:10.092500",
	"AcquisitionNumber": 1,
	"ImageComments": "rss SNR [avg=38.26, max=652.12, scale=1.000, offset=0.000]",
	"SliceThickness": 2,
	"SpacingBetweenSlices": 2.4,
	"SAR": 0.00417894,
	"NumberOfAverages": 2,
	"FlipAngle": 12,
	"PartialFourier": 1,
	"BaseResolution": 256,
	"ShimSetting": [
		-146,
		-510,
		-1,
		-2388,
		276,
		4504,
		2317,
		-179	],
	"TxRefAmp": 422,
	"PhaseResolution": 1,
	"ReceiveCoilName": "Spinal_Cord_7T",
	"CoilString": "C:C10-22;Ch1-9",
	"PulseSequenceDetails": "%CustomerSeq%\\NoiseMeasSensitivityMap",
	"CoilCombinationMethod": "Adaptive Combine",
	"MatrixCoilMode": "SENSE",
	"PercentPhaseFOV": 100,
	"PercentSampling": 100,
	"PhaseEncodingSteps": 256,
	"AcquisitionMatrixPE": 256,
	"ReconMatrixPE": 512,
	"PixelBandwidth": 199,
	"DwellTime": 9.8e-06,
	"PhaseEncodingDirection": "j-",
	"SliceTiming": [
		0,
		15.4219,
		30.8438,
		46.2656,
		61.6875,
		77.1094,
		92.5313,
		67.9531,
		83.375,
		98.7969,
		114.219,
		129.641,
		145.063	],
	"ImageOrientationPatientDICOM": [
		0,
		1,
		-2.05103e-10,
		0,
		-2.05103e-10,
		-1	],
	"ImageOrientationText": "Sag",
	"InPlanePhaseEncodingDirectionDICOM": "COL",
	"ConversionSoftware": "dcm2niix",
	"ConversionSoftwareVersion": "v1.0.20220720"
}
