{
	"Modality": "MR",
	"MagneticFieldStrength": 6.98,
	"ImagingFrequency": 297.215,
	"Manufacturer": "Siemens",
	"ManufacturersModelName": "Investigational_Device_7T",
	"InstitutionName": "BMEII",
	"InstitutionalDepartmentName": "Department",
	"InstitutionAddress": "Street StreetNo,/823E50/New York City,District,US,ZIP",
	"DeviceSerialNumber": "18973",
	"StationName": "MEDPC",
	"PatientPosition": "HFS",
	"ProcedureStepDescription": "RESEARCH^GCO-20-8888D-A.Seifert",
	"SoftwareVersions": "syngo MR B17",
	"MRAcquisitionType": "2D",
	"SeriesDescription": "GFactor",
	"ProtocolName": "CoilQA_axi_RL_FOV192_0p5x0p5x5p0",
	"ScanningSequence": "RM",
	"SequenceVariant": "SP",
	"SequenceName": "fl_nmsm2d1",
	"ImageType": ["ORIGINAL", "PRIMARY", "M", "DIS2D"],
	"NonlinearGradientCorrection": true,
	"SeriesNumber": 38,
	"AcquisitionTime": "12:50:30.165000",
	"AcquisitionNumber": 1,
	"ImageComments": "1/G, R=2 [avg=1, Gmax=1000.00, scale=1000.000, offset=0.000]",
	"SliceThickness": 5,
	"SpacingBetweenSlices": 20,
	"SAR": 0.00417894,
	"NumberOfAverages": 2,
	"FlipAngle": 12,
	"PartialFourier": 1,
	"BaseResolution": 384,
	"ShimSetting": [
		-146,
		-510,
		-1,
		-2388,
		276,
		4504,
		2317,
		-179	],
	"TxRefAmp": 422,
	"PhaseResolution": 1,
	"ReceiveCoilName": "Spinal_Cord_7T",
	"CoilString": "C:C10-22;Ch1-9",
	"PulseSequenceDetails": "%CustomerSeq%\\NoiseMeasSensitivityMap",
	"CoilCombinationMethod": "Adaptive Combine",
	"MatrixCoilMode": "SENSE",
	"MultibandAccelerationFactor": 2,
	"PercentPhaseFOV": 100,
	"PercentSampling": 100,
	"PhaseEncodingSteps": 384,
	"AcquisitionMatrixPE": 384,
	"ReconMatrixPE": 768,
	"PixelBandwidth": 200,
	"DwellTime": 6.5e-06,
	"PhaseEncodingDirection": "i",
	"SliceTiming": [
		0,
		0,
		23.1328,
		23.1328,
		46.2656,
		46.2656,
		69.3984	],
	"ImageOrientationPatientDICOM": [
		1,
		1e-16,
		0,
		-1e-16,
		1,
		0	],
	"ImageOrientationText": "Tra",
	"InPlanePhaseEncodingDirectionDICOM": "ROW",
	"ConversionSoftware": "dcm2niix",
	"ConversionSoftwareVersion": "v1.0.20220720"
}
