{
	"Modality": "MR",
	"MagneticFieldStrength": 7,
	"ImagingFrequency": 297.21,
	"Manufacturer": "Siemens",
	"ManufacturersModelName": "Terra",
	"InstitutionName": "FIL",
	"InstitutionalDepartmentName": "Terra",
	"InstitutionAddress": "Queens Square 12,London,London,GB,WC1N 3AR",
	"DeviceSerialNumber": "79120",
	"StationName": "AWP79120",
	"BodyPartExamined": "CSPINE",
	"PatientPosition": "HFS",
	"ProcedureStepDescription": "FIL Physics^Nadine",
	"SoftwareVersions": "syngo MR E12",
	"MRAcquisitionType": "2D",
	"SeriesDescription": "tfl_sag_2p5mmISO_largeFOV_RefVoltOpt_ND",
	"ProtocolName": "tfl_sag_2p5mmISO_largeFOV_RefVoltOpt",
	"ScanningSequence": "GR",
	"SequenceVariant": "SK\\SP",
	"SequenceName": "tfl2d1_512",
	"ImageType": ["ORIGINAL", "PRIMARY", "FLIP ANGLE MAP", "ND"],
	"NonlinearGradientCorrection": false,
	"SeriesNumber": 10,
	"AcquisitionTime": "14:04:7.830000",
	"AcquisitionNumber": 1,
	"ImageComments": "flip angle map, TraRefAmpl: 248.0 V",
	"SliceThickness": 2.5,
	"SpacingBetweenSlices": 5,
	"SAR": 0.0251185,
	"EchoTime": 0.00231,
	"RepetitionTime": 34.42,
	"SpoilingState": true,
	"FlipAngle": 89.99,
	"PartialFourier": 1,
	"BaseResolution": 144,
	"ShimSetting": [
		651,
		2052,
		-1463,
		922,
		46,
		237,
		-915,
		-65	],
	"TxRefAmp": 248,
	"PhaseResolution": 1,
	"ReceiveCoilName": "1Tx8Rx_CSpine",
	"ReceiveCoilActiveElements": "CSP",
	"PulseSequenceDetails": "%SiemensSeq%\\tfl_b1map",
	"CoilCombinationMethod": "Sum of Squares",
	"ConsistencyInfo": "N4_VE12U_LATEST_20181126",
	"MatrixCoilMode": "SENSE",
	"PercentPhaseFOV": 61.1111,
	"PercentSampling": 100,
	"PhaseEncodingSteps": 88,
	"AcquisitionMatrixPE": 88,
	"ReconMatrixPE": 88,
	"PixelBandwidth": 400,
	"DwellTime": 8.7e-06,
	"PhaseEncodingDirection": "i",
	"SliceTiming": [
		17.3281,
		0,
		17.9375,
		0.60938,
		18.5625,
		1.23438,
		19.1875,
		1.85938,
		19.7969,
		2.46875,
		20.4219,
		3.09375,
		21.0313,
		3.70313,
		21.6563,
		4.32813,
		22.2813,
		4.95313,
		22.8906,
		5.5625,
		23.5156,
		6.1875,
		24.125,
		6.79688,
		24.75,
		7.42188,
		25.375,
		8.04688,
		25.9844,
		8.65625,
		26.6094,
		9.28125,
		27.2188,
		9.89063,
		27.8438,
		10.5156,
		28.4688,
		11.1406,
		29.0781,
		11.75,
		29.7031,
		12.375,
		30.3125,
		13,
		30.9375,
		13.6094,
		31.5625,
		14.2344,
		32.1719,
		14.8438,
		32.7969,
		15.4688,
		33.4063,
		16.0781,
		34.0313,
		16.7031	],
	"ImageOrientationPatientDICOM": [
		0,
		1,
		0,
		0,
		0,
		-1	],
	"ImageOrientationText": "Sag",
	"InPlanePhaseEncodingDirectionDICOM": "ROW",
	"ConversionSoftware": "dcm2niix",
	"ConversionSoftwareVersion": "v1.0.20220720"
}
