{
	"Modality": "MR",
	"MagneticFieldStrength": 7,
	"ImagingFrequency": 297.19,
	"Manufacturer": "Siemens",
	"ManufacturersModelName": "Terra",
	"InstitutionName": "CEMEREM 7T",
	"InstitutionalDepartmentName": "CEMEREM",
	"InstitutionAddress": "RUE ST PIERRE 264,Marseille,District,FR,13006",
	"DeviceSerialNumber": "79132",
	"StationName": "AWP79132",
	"BodyPartExamined": "CSPINE",
	"PatientPosition": "HFS",
	"ProcedureStepDescription": "VCAL^THS_fMRI_coilQA",
	"SoftwareVersions": "syngo MR E12",
	"MRAcquisitionType": "2D",
	"SeriesDescription": "coilQA_tra_RL_0p5x0p5x5mm_1Tx8Rx_CSpine_G-Factor",
	"ProtocolName": "coilQA_tra_RL_0p5x0p5x5mm",
	"ScanningSequence": "RM",
	"SequenceVariant": "SP",
	"SequenceName": "*fl2d1",
	"ImageType": ["ORIGINAL", "PRIMARY", "M", "ND"],
	"NonlinearGradientCorrection": false,
	"SeriesNumber": 62,
	"AcquisitionTime": "17:07:2.947500",
	"AcquisitionNumber": 1,
	"ImageComments": "1/G, R=2 [avg=907, Gmax=2.44, scale=1000.000, offset=0.000]",
	"SliceThickness": 5,
	"SpacingBetweenSlices": 20,
	"SAR": 0.00153328,
	"NumberOfAverages": 2,
	"FlipAngle": 12,
	"PartialFourier": 1,
	"BaseResolution": 384,
	"ShimSetting": [
		1546,
		-869,
		-299,
		-1980,
		108,
		2046,
		2293,
		-164	],
	"TxRefAmp": 224.5,
	"PhaseResolution": 1,
	"ReceiveCoilName": "1Tx8Rx_CSpine",
	"ReceiveCoilActiveElements": "CSP",
	"PulseSequenceDetails": "%ServiceSeq%\\coil_utils",
	"CoilCombinationMethod": "Adaptive Combine",
	"ConsistencyInfo": "N4_VE12U_LATEST_20181126",
	"MatrixCoilMode": "SENSE",
	"PercentPhaseFOV": 100,
	"PercentSampling": 100,
	"PhaseEncodingSteps": 384,
	"AcquisitionMatrixPE": 384,
	"ReconMatrixPE": 768,
	"PixelBandwidth": 200,
	"DwellTime": 6.5e-06,
	"PhaseEncodingDirection": "i",
	"SliceTiming": [
		0,
		23.0313,
		46.0781,
		69.1094,
		92.1563,
		75.1875,
		98.2344	],
	"ImageOrientationPatientDICOM": [
		1,
		0,
		0,
		0,
		1,
		0	],
	"ImageOrientationText": "Tra",
	"InPlanePhaseEncodingDirectionDICOM": "ROW",
	"ConversionSoftware": "dcm2niix",
	"ConversionSoftwareVersion": "v1.0.20220720"
}
