{
	"Modality": "MR",
	"MagneticFieldStrength": 7,
	"ImagingFrequency": 297.191,
	"Manufacturer": "Siemens",
	"ManufacturersModelName": "Terra",
	"InstitutionName": "CEMEREM 7T",
	"InstitutionalDepartmentName": "CEMEREM",
	"InstitutionAddress": "RUE ST PIERRE 264,Marseille,District,FR,13006",
	"DeviceSerialNumber": "79132",
	"StationName": "AWP79132",
	"BodyPartExamined": "CSPINE",
	"PatientPosition": "HFS",
	"ProcedureStepDescription": "VCAL^THS_fMRI_coilQA",
	"SoftwareVersions": "syngo MR E12",
	"MRAcquisitionType": "2D",
	"SeriesDescription": "RefVolt_ND",
	"ProtocolName": "Dream2D_sag_2p5mmISO_mediumFOV_RefVolOpt_1p5_337",
	"ScanningSequence": "RM",
	"SequenceVariant": "SK\\SP",
	"SequenceName": "master",
	"ImageType": ["ORIGINAL", "PRIMARY", "M", "ND", "REFVOLTMAP"],
	"NonlinearGradientCorrection": false,
	"SeriesNumber": 40,
	"AcquisitionTime": "16:54:16.697500",
	"AcquisitionNumber": 1,
	"ImageComments": "Reference Voltage Map; Mean: 301 V",
	"SliceThickness": 2.5,
	"SpacingBetweenSlices": 2.5,
	"SAR": 0.00143682,
	"EchoNumber": 2,
	"EchoTime": 0.0031,
	"RepetitionTime": 6,
	"SpoilingState": true,
	"FlipAngle": 50,
	"PartialFourier": 1,
	"BaseResolution": 80,
	"ShimSetting": [
		1719,
		-1162,
		-244,
		-2823,
		-74,
		1183,
		3883,
		-86	],
	"TxRefAmp": 337,
	"PhaseResolution": 1,
	"ReceiveCoilName": "1Tx8Rx_CSpine",
	"ReceiveCoilActiveElements": "CSP",
	"PulseSequenceDetails": "%CustomerSeq%\\ThreeDream",
	"WipMemBlock": "threedream 30e5ea5 v0.33",
	"CoilCombinationMethod": "Sum of Squares",
	"ConsistencyInfo": "N4_VE12U_LATEST_20181126",
	"MatrixCoilMode": "SENSE",
	"PercentPhaseFOV": 100,
	"PercentSampling": 100,
	"PhaseEncodingSteps": 80,
	"AcquisitionMatrixPE": 80,
	"ReconMatrixPE": 80,
	"PixelBandwidth": 1010,
	"DwellTime": 6.2e-06,
	"PhaseEncodingDirection": "i",
	"SliceTiming": [
		0,
		6,
		12,
		18,
		24,
		30,
		36,
		42,
		48,
		54,
		60	],
	"ImageOrientationPatientDICOM": [
		0,
		1,
		0,
		0,
		0,
		-1	],
	"ImageOrientationText": "Sag",
	"InPlanePhaseEncodingDirectionDICOM": "ROW",
	"ConversionSoftware": "dcm2niix",
	"ConversionSoftwareVersion": "v1.0.20220720"
}
