{
	"Modality": "MR",
	"MagneticFieldStrength": 7,
	"ImagingFrequency": 297.189,
	"Manufacturer": "Siemens",
	"ManufacturersModelName": "Investigational_Device_7T",
	"InstitutionName": "MGH Terra pTx Bay2",
	"InstitutionalDepartmentName": "Department",
	"InstitutionAddress": "13th St 149,Charlestown,MA,US,02129",
	"DeviceSerialNumber": "79021",
	"StationName": "BAY2OCB",
	"BodyPartExamined": "CSPINE",
	"PatientPosition": "HFS",
	"ProcedureStepDescription": "BARRY^Coil_QA_Test",
	"SoftwareVersions": "syngo MR E12",
	"MRAcquisitionType": "2D",
	"SeriesDescription": "coilQA_tra_RL_0p5x0p5x5mm_NEUROPOLY_SPINE7T_G-Factor",
	"ProtocolName": "coilQA_tra_RL_0p5x0p5x5mm",
	"ScanningSequence": "RM",
	"SequenceVariant": "SP",
	"SequenceName": "*fl2d1",
	"ImageType": ["ORIGINAL", "PRIMARY", "M", "ND"],
	"NonlinearGradientCorrection": false,
	"SeriesNumber": 61,
	"AcquisitionTime": "13:05:35.317500",
	"AcquisitionNumber": 1,
	"ImageComments": "1/G, R=2 [avg=975, Gmax=1.39, scale=1000.000, offset=0.000]",
	"SliceThickness": 5,
	"SpacingBetweenSlices": 20,
	"SAR": 0.00849261,
	"NumberOfAverages": 2,
	"FlipAngle": 12,
	"PartialFourier": 1,
	"BaseResolution": 384,
	"ShimSetting": [
		3729,
		-7286,
		-5483,
		-471,
		-982,
		2508,
		-1478,
		-78	],
	"TxRefAmp": 635.7,
	"PhaseResolution": 1,
	"ReceiveCoilName": "NEUROPOLY_SPINE7T",
	"ReceiveCoilActiveElements": "1H;1H;1H;1H;1H;1H;1H;1H;1H;1H;1H;1H;1H;1H;1H;1H;1H;1H;1H;1H",
	"PulseSequenceDetails": "%ServiceSeq%\\coil_utils",
	"CoilCombinationMethod": "Adaptive Combine",
	"ConsistencyInfo": "N4_VE12U_LATEST_20181126",
	"MatrixCoilMode": "SENSE",
	"PercentPhaseFOV": 100,
	"PercentSampling": 100,
	"PhaseEncodingSteps": 384,
	"AcquisitionMatrixPE": 384,
	"ReconMatrixPE": 768,
	"PixelBandwidth": 200,
	"DwellTime": 6.5e-06,
	"PhaseEncodingDirection": "j-",
	"SliceTiming": [
		0,
		23.0391,
		46.0781,
		69.1172,
		92.1562,
		75.1953,
		98.2344	],
	"ImageOrientationPatientDICOM": [
		1,
		0,
		0,
		0,
		1,
		0	],
	"ImageOrientationText": "Tra",
	"InPlanePhaseEncodingDirectionDICOM": "COL",
	"ConversionSoftware": "dcm2niix",
	"ConversionSoftwareVersion": "v1.0.20220720"
}
