{
	"Modality": "MR",
	"MagneticFieldStrength": 6.98,
	"ImagingFrequency": 297.215,
	"Manufacturer": "Siemens",
	"ManufacturersModelName": "Investigational_Device_7T",
	"DeviceSerialNumber": "18973",
	"PatientPosition": "HFS",
	"SoftwareVersions": "syngo MR B17",
	"MRAcquisitionType": "2D",
	"SeriesDescription": "GFactor",
	"ProtocolName": "CoilQA_sag_HF_FOV192_1p5x1p5x2p0",
	"ScanningSequence": "RM",
	"SequenceVariant": "SP",
	"SequenceName": "fl_nmsm2d1",
	"ImageType": ["ORIGINAL", "PRIMARY", "M", "ND"],
	"NonlinearGradientCorrection": false,
	"SeriesNumber": 32,
	"AcquisitionNumber": 1,
	"SliceThickness": 2,
	"SpacingBetweenSlices": 2.4,
	"SAR": 0.00565372,
	"NumberOfAverages": 2,
	"FlipAngle": 12,
	"PercentPhaseFOV": 100,
	"PercentSampling": 100,
	"PhaseEncodingSteps": 128,
	"AcquisitionMatrixPE": 128,
	"ReconMatrixPE": 256,
	"PixelBandwidth": 199,
	"PhaseEncodingAxis": "j",
	"SliceTiming": [
		0,
		7.71875,
		15.4219,
		23.1406,
		30.8438,
		38.5625,
		46.2656,
		53.9844,
		61.6875,
		69.4063,
		77.1094,
		84.8281,
		92.5313	],
	"ImageOrientationPatientDICOM": [
		0,
		1,
		-2.05103e-10,
		0,
		-2.05103e-10,
		-1	],
	"InPlanePhaseEncodingDirectionDICOM": "COL",
	"ConversionSoftware": "dcm2niix",
	"ConversionSoftwareVersion": "v1.0.20220720"
}
