{
	"Modality": "MR",
	"MagneticFieldStrength": 6.98,
	"ImagingFrequency": 297.215,
	"Manufacturer": "Siemens",
	"ManufacturersModelName": "Investigational_Device_7T",
	"DeviceSerialNumber": "18973",
	"PatientPosition": "HFS",
	"SoftwareVersions": "syngo MR B17",
	"MRAcquisitionType": "2D",
	"SeriesDescription": "B1Map_ND",
	"ProtocolName": "2DREAM_sag_FOV200_2p5mm_RefV328V",
	"ScanningSequence": "RM",
	"SequenceVariant": "SK\\SP",
	"SequenceName": "develop",
	"ImageType": ["ORIGINAL", "PRIMARY", "DENSITY MAP", "ND", "B1MAP"],
	"NonlinearGradientCorrection": false,
	"SeriesNumber": 18,
	"AcquisitionNumber": 1,
	"SliceThickness": 2.5,
	"SpacingBetweenSlices": 2.5,
	"SAR": 0.0177863,
	"EchoNumber": 2,
	"EchoTime": 0.00305,
	"RepetitionTime": 6,
	"SpoilingState": true,
	"FlipAngle": 50,
	"PercentPhaseFOV": 100,
	"PercentSampling": 100,
	"EchoTrainLength": 80,
	"PhaseEncodingSteps": 80,
	"AcquisitionMatrixPE": 80,
	"ReconMatrixPE": 80,
	"PixelBandwidth": 1008,
	"PhaseEncodingAxis": "i",
	"SliceTiming": [
		0,
		6.01563,
		12.0469,
		18.0625,
		24.0938,
		30.1094,
		36.1406,
		42.1719,
		48.1875,
		54.2188,
		60.2344	],
	"ImageOrientationPatientDICOM": [
		0,
		1,
		0,
		0,
		0,
		-1	],
	"InPlanePhaseEncodingDirectionDICOM": "ROW",
	"ConversionSoftware": "dcm2niix",
	"ConversionSoftwareVersion": "v1.0.20220720"
}
