{
	"Modality": "MR",
	"MagneticFieldStrength": 6.98,
	"ImagingFrequency": 297.215,
	"Manufacturer": "Siemens",
	"ManufacturersModelName": "Investigational_Device_7T",
	"DeviceSerialNumber": "18973",
	"PatientPosition": "HFS",
	"SoftwareVersions": "syngo MR B17",
	"MRAcquisitionType": "2D",
	"SeriesDescription": "RefVolt_ND",
	"ProtocolName": "2DREAM_sag_FOV200_2p5mm_RefV350V",
	"ScanningSequence": "RM",
	"SequenceVariant": "SK\\SP",
	"SequenceName": "develop",
	"ImageType": ["ORIGINAL", "PRIMARY", "OTHER", "ND", "REFVOLTMAP"],
	"NonlinearGradientCorrection": false,
	"SeriesNumber": 14,
	"AcquisitionNumber": 1,
	"SliceThickness": 2.5,
	"SpacingBetweenSlices": 2.5,
	"SAR": 0.033057,
	"EchoNumber": 2,
	"EchoTime": 0.00305,
	"RepetitionTime": 6,
	"SpoilingState": true,
	"FlipAngle": 50,
	"PercentPhaseFOV": 100,
	"PercentSampling": 100,
	"EchoTrainLength": 80,
	"PhaseEncodingSteps": 80,
	"AcquisitionMatrixPE": 80,
	"ReconMatrixPE": 80,
	"PixelBandwidth": 1008,
	"PhaseEncodingAxis": "i",
	"SliceTiming": [
		0,
		6.03125,
		12.0469,
		18.0781,
		24.0938,
		30.125,
		36.1406,
		42.1719,
		48.2031,
		54.2188,
		60.25	],
	"ImageOrientationPatientDICOM": [
		0,
		1,
		0,
		0,
		0,
		-1	],
	"InPlanePhaseEncodingDirectionDICOM": "ROW",
	"ConversionSoftware": "dcm2niix",
	"ConversionSoftwareVersion": "v1.0.20220720"
}
