{
	"Modality": "MR",
	"MagneticFieldStrength": 7,
	"ImagingFrequency": 297.189,
	"Manufacturer": "Siemens",
	"ManufacturersModelName": "Investigational_Device_7T",
	"InstitutionName": "MGH Terra pTx Bay2",
	"InstitutionalDepartmentName": "Department",
	"InstitutionAddress": "13th St 149,Charlestown,MA,US,02129",
	"DeviceSerialNumber": "79021",
	"StationName": "BAY2OCB",
	"BodyPartExamined": "CSPINE",
	"PatientPosition": "HFS",
	"ProcedureStepDescription": "BARRY^7T TravelingSpine",
	"SoftwareVersions": "syngo MR E12",
	"MRAcquisitionType": "3D",
	"SeriesDescription": "t1_mp2rage_sag_p3_1mm_UNI_Images",
	"ProtocolName": "t1_mp2rage_sag_p3_1mm",
	"ScanningSequence": "GR\\IR",
	"SequenceVariant": "SK\\SP\\MP",
	"ScanOptions": "IR\\PFP\\WE",
	"SequenceName": "*tfl3d1_16ns",
	"ImageType": ["DERIVED", "PRIMARY", "M", "ND", "UNI"],
	"NonlinearGradientCorrection": false,
	"RawImage": false,
	"SeriesNumber": 14,
	"AcquisitionTime": "18:36:0.555000",
	"AcquisitionNumber": 1,
	"SliceThickness": 1,
	"SAR": 0.125226,
	"EchoTime": 0.00183,
	"RepetitionTime": 4,
	"SpoilingState": true,
	"PartialFourier": 0.75,
	"BaseResolution": 256,
	"ShimSetting": [
		3471,
		-7268,
		-5567,
		-3221,
		-238,
		3409,
		-3188,
		925	],
	"TxRefAmp": 500,
	"PhaseResolution": 1,
	"ReceiveCoilName": "NEUROPOLY_SPINE7T",
	"ReceiveCoilActiveElements": "1H;1H;1H;1H;1H;1H;1H;1H;1H;1H;1H;1H;1H;1H;1H;1H;1H;1H;1H;1H",
	"PulseSequenceDetails": "%SiemensSeq%\\tfl",
	"RefLinesPE": 32,
	"CoilCombinationMethod": "Sum of Squares",
	"ConsistencyInfo": "N4_VE12U_LATEST_20181126",
	"MatrixCoilMode": "GRAPPA",
	"PercentPhaseFOV": 87.5,
	"PercentSampling": 100,
	"PhaseEncodingSteps": 168,
	"AcquisitionMatrixPE": 224,
	"ReconMatrixPE": 224,
	"ParallelReductionFactorInPlane": 3,
	"PixelBandwidth": 250,
	"DwellTime": 7.8e-06,
	"ImageOrientationPatientDICOM": [
		0,
		1,
		0,
		0,
		0,
		-1	],
	"ImageOrientationText": "Sag",
	"InPlanePhaseEncodingDirectionDICOM": "ROW",
	"ConversionSoftware": "dcm2niix",
	"ConversionSoftwareVersion": "v1.0.20220720"
}
