{
	"Modality": "MR",
	"MagneticFieldStrength": 7,
	"ImagingFrequency": 297.189,
	"Manufacturer": "Siemens",
	"ManufacturersModelName": "Investigational_Device_7T",
	"InstitutionName": "MGH Terra pTx Bay2",
	"InstitutionalDepartmentName": "Department",
	"InstitutionAddress": "13th St 149,Charlestown,MA,US,02129",
	"DeviceSerialNumber": "79021",
	"StationName": "BAY2OCB",
	"BodyPartExamined": "CSPINE",
	"PatientPosition": "HFS",
	"ProcedureStepDescription": "BARRY^Coil_QA_Test",
	"SoftwareVersions": "syngo MR E12",
	"MRAcquisitionType": "2D",
	"SeriesDescription": "coilQA_sag_FH_1p5x1p5x2mm_largeFOV_RFs_NEUROPOLY_SPINE7T_SNR_Map",
	"ProtocolName": "coilQA_sag_FH_1p5x1p5x2mm_largeFOV_RFshim",
	"ScanningSequence": "RM",
	"SequenceVariant": "SP",
	"SequenceName": "*fl2d1",
	"ImageType": ["ORIGINAL", "PRIMARY", "M", "ND"],
	"NonlinearGradientCorrection": false,
	"SeriesNumber": 80,
	"AcquisitionTime": "13:24:4.007500",
	"AcquisitionNumber": 1,
	"ImageComments": "rss SNR [avg=29.41, max=615.87, scale=1.000, offset=0.000]",
	"SliceThickness": 2,
	"SpacingBetweenSlices": 2.4,
	"SAR": 0.0113893,
	"NumberOfAverages": 2,
	"FlipAngle": 12,
	"PartialFourier": 1,
	"BaseResolution": 256,
	"ShimSetting": [
		3729,
		-7286,
		-5483,
		-471,
		-982,
		2508,
		-1478,
		-78	],
	"TxRefAmp": 635.7,
	"PhaseResolution": 1,
	"ReceiveCoilName": "NEUROPOLY_SPINE7T",
	"ReceiveCoilActiveElements": "1H;1H;1H;1H;1H;1H;1H;1H;1H;1H;1H;1H;1H;1H;1H;1H;1H;1H;1H;1H",
	"PulseSequenceDetails": "%ServiceSeq%\\coil_utils",
	"CoilCombinationMethod": "Adaptive Combine",
	"ConsistencyInfo": "N4_VE12U_LATEST_20181126",
	"MatrixCoilMode": "SENSE",
	"PercentPhaseFOV": 100,
	"PercentSampling": 100,
	"PhaseEncodingSteps": 256,
	"AcquisitionMatrixPE": 256,
	"ReconMatrixPE": 512,
	"PixelBandwidth": 200,
	"DwellTime": 9.8e-06,
	"PhaseEncodingDirection": "j-",
	"SliceTiming": [
		0,
		15.375,
		30.7344,
		46.0938,
		61.4531,
		76.8125,
		92.1719,
		67.5312,
		82.8906,
		98.25,
		113.609,
		128.969,
		144.328	],
	"ImageOrientationPatientDICOM": [
		0,
		1,
		4.897e-12,
		0,
		4.897e-12,
		-1	],
	"ImageOrientationText": "Sag",
	"InPlanePhaseEncodingDirectionDICOM": "COL",
	"ConversionSoftware": "dcm2niix",
	"ConversionSoftwareVersion": "v1.0.20220720"
}
