{
	"Modality": "MR",
	"MagneticFieldStrength": 7,
	"ImagingFrequency": 297.19,
	"Manufacturer": "Siemens",
	"ManufacturersModelName": "Terra",
	"InstitutionName": "CEMEREM 7T",
	"InstitutionalDepartmentName": "CEMEREM",
	"InstitutionAddress": "RUE ST PIERRE 264,Marseille,District,FR,13006",
	"DeviceSerialNumber": "79132",
	"StationName": "AWP79132",
	"BodyPartExamined": "CSPINE",
	"PatientPosition": "HFS",
	"ProcedureStepDescription": "VCAL^THS_fMRI_coilQA",
	"SoftwareVersions": "syngo MR E12",
	"MRAcquisitionType": "2D",
	"SeriesDescription": "tfl_sag_2p5mmISO_largeFOV_ISO_OPT_224P5_ND",
	"ProtocolName": "tfl_sag_2p5mmISO_largeFOV_ISO_OPT_224P5",
	"ScanningSequence": "GR",
	"SequenceVariant": "SK\\SP",
	"SequenceName": "tfl2d1_512",
	"ImageType": ["ORIGINAL", "PRIMARY", "M", "ND"],
	"NonlinearGradientCorrection": false,
	"SeriesNumber": 12,
	"AcquisitionTime": "16:45:34.250000",
	"AcquisitionNumber": 1,
	"ImageComments": "anatomical image",
	"SliceThickness": 2.5,
	"SpacingBetweenSlices": 5,
	"SAR": 0.0111821,
	"EchoTime": 0.00231,
	"RepetitionTime": 34.42,
	"SpoilingState": true,
	"FlipAngle": 10,
	"PartialFourier": 1,
	"BaseResolution": 144,
	"ShimSetting": [
		1424,
		-435,
		12,
		-1850,
		-110,
		1411,
		-705,
		657	],
	"TxRefAmp": 224.5,
	"PhaseResolution": 1,
	"ReceiveCoilName": "1Tx8Rx_CSpine",
	"ReceiveCoilActiveElements": "CSP",
	"PulseSequenceDetails": "%SiemensSeq%\\tfl_b1map",
	"CoilCombinationMethod": "Sum of Squares",
	"ConsistencyInfo": "N4_VE12U_LATEST_20181126",
	"MatrixCoilMode": "SENSE",
	"PercentPhaseFOV": 61.1111,
	"PercentSampling": 100,
	"PhaseEncodingSteps": 88,
	"AcquisitionMatrixPE": 88,
	"ReconMatrixPE": 88,
	"PixelBandwidth": 400,
	"DwellTime": 8.7e-06,
	"PhaseEncodingDirection": "i",
	"SliceTiming": [
		17.3281,
		0,
		17.9375,
		0.60938,
		18.5625,
		1.23438,
		19.1719,
		1.84375,
		19.7969,
		2.46875,
		20.4219,
		3.09375,
		21.0313,
		3.70313,
		21.6563,
		4.32813,
		22.2656,
		4.95313,
		22.8906,
		5.5625,
		23.5156,
		6.1875,
		24.125,
		6.79688,
		24.75,
		7.42188,
		25.3594,
		8.03125,
		25.9844,
		8.65625,
		26.6094,
		9.28125,
		27.2188,
		9.89063,
		27.8438,
		10.5156,
		28.4531,
		11.1406,
		29.0781,
		11.75,
		29.7031,
		12.375,
		30.3125,
		12.9844,
		30.9375,
		13.6094,
		31.5625,
		14.2344,
		32.1719,
		14.8438,
		32.7969,
		15.4688,
		33.4063,
		16.0781,
		34.0313,
		16.7031	],
	"ImageOrientationPatientDICOM": [
		0,
		1,
		0,
		0,
		0,
		-1	],
	"ImageOrientationText": "Sag",
	"InPlanePhaseEncodingDirectionDICOM": "ROW",
	"ConversionSoftware": "dcm2niix",
	"ConversionSoftwareVersion": "v1.0.20220720"
}
