{
	"Modality": "MR",
	"MagneticFieldStrength": 7,
	"ImagingFrequency": 297.211,
	"Manufacturer": "Siemens",
	"ManufacturersModelName": "Terra",
	"InstitutionName": "FIL",
	"InstitutionalDepartmentName": "Terra",
	"InstitutionAddress": "Queens Square 12,London,London,GB,WC1N 3AR",
	"DeviceSerialNumber": "79120",
	"StationName": "AWP79120",
	"BodyPartExamined": "CSPINE",
	"PatientPosition": "HFS",
	"ProcedureStepDescription": "FIL Physics^Nadine",
	"SoftwareVersions": "syngo MR E12",
	"MRAcquisitionType": "3D",
	"SeriesDescription": "t1_mp2rage_cor_nonSelHS1_0.7iso_RefVol482_INV2",
	"ProtocolName": "t1_mp2rage_cor_nonSelHS1_0.7iso_RefVol482",
	"ScanningSequence": "GR\\IR",
	"SequenceVariant": "SK\\SP\\MP",
	"ScanOptions": "IR\\PFP",
	"SequenceName": "tfl3d1_16ns",
	"ImageType": ["ORIGINAL", "PRIMARY", "M", "DIS3D", "DIS2D"],
	"NonlinearGradientCorrection": true,
	"SeriesNumber": 57,
	"AcquisitionTime": "14:41:36.677500",
	"AcquisitionNumber": 1,
	"SliceThickness": 0.7,
	"SAR": 0.0573347,
	"EchoTime": 0.00213,
	"RepetitionTime": 5,
	"SpoilingState": true,
	"InversionTime": 2.4,
	"FlipAngle": 5,
	"PartialFourier": 0.75,
	"BaseResolution": 368,
	"ShimSetting": [
		640,
		1745,
		-1623,
		-739,
		-267,
		4881,
		-3192,
		-229	],
	"TxRefAmp": 263,
	"PhaseResolution": 1,
	"ReceiveCoilName": "1Tx8Rx_CSpine",
	"ReceiveCoilActiveElements": "CSP",
	"PulseSequenceDetails": "%CustomerSeq%\\crmbm_tfl",
	"RefLinesPE": 28,
	"CoilCombinationMethod": "Sum of Squares",
	"ConsistencyInfo": "N4_VE12U_LATEST_20181126",
	"MatrixCoilMode": "GRAPPA",
	"PercentPhaseFOV": 65.7609,
	"PercentSampling": 100,
	"PhaseEncodingSteps": 182,
	"AcquisitionMatrixPE": 242,
	"ReconMatrixPE": 242,
	"ParallelReductionFactorInPlane": 2,
	"PixelBandwidth": 225,
	"DwellTime": 6.1e-06,
	"ImageOrientationPatientDICOM": [
		0.999924,
		-0.0016931,
		-0.0122167,
		-0.0122281,
		-0.0068971,
		-0.999901	],
	"ImageOrientationText": "Cor>Tra(0.4)>Sag(-0.1)",
	"InPlanePhaseEncodingDirectionDICOM": "ROW",
	"ConversionSoftware": "dcm2niix",
	"ConversionSoftwareVersion": "v1.0.20220720"
}
