{
	"Modality": "MR",
	"MagneticFieldStrength": 7,
	"ImagingFrequency": 297.191714,
	"Manufacturer": "Siemens",
	"ManufacturersModelName": "Terra",
	"InstitutionName": "MPI CBS",
	"InstitutionAddress": "Stephanstrasse 1a,Leipzig,Leipzig,DE,04103",
	"DeviceSerialNumber": "79125",
	"StationName": "SEPTEMSYS",
	"BodyPartExamined": "CSPINE",
	"PatientPosition": "HFS",
	"ProcedureStepDescription": "FE^TravelingSpine_Run",
	"SoftwareVersions": "syngo MR E12",
	"MRAcquisitionType": "3D",
	"SeriesDescription": "t1_mp2rage_cor_nonSelHS1_0.7iso_365_UNI_Images",
	"ProtocolName": "t1_mp2rage_cor_nonSelHS1_0.7iso_365",
	"ScanningSequence": "GR\\IR",
	"SequenceVariant": "SK\\SP\\MP",
	"ScanOptions": "IR\\PFP",
	"SequenceName": "tfl3d1_16ns",
	"ImageType": ["DERIVED", "PRIMARY", "M", "UNI", "DIS3D", "DIS2D"],
	"NonlinearGradientCorrection": true,
	"RawImage": false,
	"SeriesNumber": 56,
	"AcquisitionTime": "18:06:17.357500",
	"AcquisitionNumber": 1,
	"SliceThickness": 0.7,
	"SAR": 0.0462404,
	"EchoTime": 0.00215,
	"RepetitionTime": 5,
	"SpoilingState": true,
	"PartialFourier": 0.75,
	"BaseResolution": 368,
	"ShimSetting": [
		-973,
		-244,
		-493,
		-2948,
		-498,
		-216,
		1074,
		-831	],
	"TxRefAmp": 365,
	"PhaseResolution": 1,
	"ReceiveCoilName": "24CH_SpinalCord",
	"ReceiveCoilActiveElements": "A01-08;D09-16;E17-20;H21-24",
	"PulseSequenceDetails": "%CustomerSeq%\\crmbm_tfl",
	"RefLinesPE": 28,
	"CoilCombinationMethod": "Sum of Squares",
	"ConsistencyInfo": "N4_VE12U_LATEST_20181126",
	"MatrixCoilMode": "GRAPPA",
	"PercentPhaseFOV": 65.7609,
	"PercentSampling": 100,
	"PhaseEncodingSteps": 182,
	"AcquisitionMatrixPE": 242,
	"ReconMatrixPE": 242,
	"ParallelReductionFactorInPlane": 2,
	"PixelBandwidth": 220,
	"ImageOrientationPatientDICOM": [
		0.999928,
		0.000953405,
		-0.0119924,
		-0.0119539,
		0.190873,
		-0.981542	],
	"InPlanePhaseEncodingDirectionDICOM": "ROW",
	"BidsGuess": ["anat","_acq-tfl3_run-56_UNIT1"],
	"ConversionSoftware": "dcm2niix",
	"ConversionSoftwareVersion": "v1.0.20240202"
}
