{
	"Modality": "MR",
	"MagneticFieldStrength": 7,
	"ImagingFrequency": 297.189,
	"Manufacturer": "Siemens",
	"ManufacturersModelName": "Investigational_Device_7T",
	"InstitutionName": "MGH Terra pTx Bay2",
	"InstitutionalDepartmentName": "Department",
	"InstitutionAddress": "13th St 149,Charlestown,MA,US,02129",
	"DeviceSerialNumber": "79021",
	"StationName": "BAY2OCB",
	"BodyPartExamined": "CSPINE",
	"PatientPosition": "HFS",
	"ProcedureStepDescription": "BARRY^Coil_QA_Test",
	"SoftwareVersions": "syngo MR E12",
	"MRAcquisitionType": "2D",
	"SeriesDescription": "coilQA_tra_RL_0p5x0p5x5mm_noDistCorr_NEUROPOLY_SPINE7T_G-Factor",
	"ProtocolName": "coilQA_tra_RL_0p5x0p5x5mm_noDistCorr",
	"ScanningSequence": "RM",
	"SequenceVariant": "SP",
	"SequenceName": "*fl2d1",
	"ImageType": ["ORIGINAL", "PRIMARY", "M", "ND"],
	"NonlinearGradientCorrection": false,
	"SeriesNumber": 95,
	"AcquisitionTime": "11:03:7.837500",
	"AcquisitionNumber": 1,
	"ImageComments": "1/G, R=2 [avg=971, Gmax=1.53, scale=1000.000, offset=0.000]",
	"SliceThickness": 5,
	"SpacingBetweenSlices": 20,
	"SAR": 0.00962326,
	"NumberOfAverages": 2,
	"FlipAngle": 12,
	"PartialFourier": 1,
	"BaseResolution": 384,
	"ShimSetting": [
		3582,
		-7400,
		-5020,
		-1532,
		842,
		3874,
		-1013,
		1542	],
	"TxRefAmp": 520,
	"PhaseResolution": 1,
	"ReceiveCoilName": "NEUROPOLY_SPINE7T",
	"ReceiveCoilActiveElements": "1H;1H;1H;1H;1H;1H;1H;1H;1H;1H;1H;1H;1H;1H;1H;1H;1H;1H;1H;1H",
	"PulseSequenceDetails": "%ServiceSeq%\\coil_utils",
	"CoilCombinationMethod": "Adaptive Combine",
	"ConsistencyInfo": "N4_VE12U_LATEST_20181126",
	"MatrixCoilMode": "SENSE",
	"PercentPhaseFOV": 100,
	"PercentSampling": 100,
	"PhaseEncodingSteps": 384,
	"AcquisitionMatrixPE": 384,
	"ReconMatrixPE": 768,
	"PixelBandwidth": 200,
	"DwellTime": 6.5e-06,
	"PhaseEncodingDirection": "i",
	"SliceTiming": [
		0,
		23.0391,
		46.0781,
		69.125,
		92.1641,
		75.2031,
		98.2422	],
	"ImageOrientationPatientDICOM": [
		1,
		4.897e-12,
		0,
		-4.897e-12,
		1,
		0	],
	"ImageOrientationText": "Tra",
	"InPlanePhaseEncodingDirectionDICOM": "ROW",
	"ConversionSoftware": "dcm2niix",
	"ConversionSoftwareVersion": "v1.0.20220720"
}
