{
	"Modality": "MR",
	"MagneticFieldStrength": 7,
	"ImagingFrequency": 297.199,
	"Manufacturer": "Siemens",
	"ManufacturersModelName": "Investigational_Device_7T",
	"InstitutionName": "BIC",
	"InstitutionalDepartmentName": "Department",
	"InstitutionAddress": "Street StreetNo,City,District,CA,ZIP",
	"DeviceSerialNumber": "79017",
	"StationName": "AWP79017",
	"BodyPartExamined": "CSPINE",
	"PatientPosition": "HFS",
	"ProcedureStepDescription": "Development^Dr. Cohen-Adad",
	"SoftwareVersions": "syngo MR E12",
	"MRAcquisitionType": "2D",
	"SeriesDescription": "tfl_sag_2p5mmISO_largeFOV_RefVolOpt_ND",
	"ProtocolName": "tfl_sag_2p5mmISO_largeFOV_RefVolOpt",
	"ScanningSequence": "GR",
	"SequenceVariant": "SK\\SP",
	"SequenceName": "tfl2d1_512",
	"ImageType": ["ORIGINAL", "PRIMARY", "M", "ND"],
	"NonlinearGradientCorrection": false,
	"SeriesNumber": 6,
	"AcquisitionTime": "10:36:54.945000",
	"AcquisitionNumber": 1,
	"ImageComments": "anatomical image",
	"SliceThickness": 2.5,
	"SpacingBetweenSlices": 5,
	"SAR": 0.0498876,
	"EchoTime": 0.00231,
	"RepetitionTime": 34.42,
	"SpoilingState": true,
	"FlipAngle": 10,
	"PartialFourier": 1,
	"BaseResolution": 144,
	"ShimSetting": [
		121,
		-159,
		-455,
		-34,
		156,
		994,
		-1454,
		258	],
	"TxRefAmp": 446.4,
	"PhaseResolution": 1,
	"ReceiveCoilName": "NP11_ACDC_SPINE",
	"ReceiveCoilActiveElements": "1H;1H;1H;1H;1H;1H;1H;1H;1H;1H;1H;1H;1H;1H;1H;1H;1H;1H;1H;1H",
	"PulseSequenceDetails": "%SiemensSeq%\\tfl_b1map",
	"CoilCombinationMethod": "Sum of Squares",
	"ConsistencyInfo": "N4_VE12U_LATEST_20181126",
	"MatrixCoilMode": "SENSE",
	"PercentPhaseFOV": 61.1111,
	"PercentSampling": 100,
	"PhaseEncodingSteps": 88,
	"AcquisitionMatrixPE": 88,
	"ReconMatrixPE": 88,
	"PixelBandwidth": 400,
	"DwellTime": 8.7e-06,
	"PhaseEncodingDirection": "i",
	"SliceTiming": [
		17.3281,
		0,
		17.9453,
		0.61719,
		18.5703,
		1.24219,
		19.1875,
		1.85938,
		19.8047,
		2.47656,
		20.4219,
		3.09375,
		21.0469,
		3.71875,
		21.6641,
		4.33594,
		22.2812,
		4.95312,
		22.8984,
		5.57031,
		23.5156,
		6.1875,
		24.1406,
		6.8125,
		24.7578,
		7.42969,
		25.375,
		8.04688,
		25.9922,
		8.66406,
		26.6094,
		9.28906,
		27.2344,
		9.90625,
		27.8516,
		10.5234,
		28.4688,
		11.1406,
		29.0859,
		11.7578,
		29.7031,
		12.375,
		30.3281,
		13,
		30.9453,
		13.6172,
		31.5625,
		14.2344,
		32.1797,
		14.8594,
		32.7969,
		15.4766,
		33.4219,
		16.0938,
		34.0391,
		16.7109	],
	"ImageOrientationPatientDICOM": [
		0,
		1,
		0,
		0,
		0,
		-1	],
	"ImageOrientationText": "Sag",
	"InPlanePhaseEncodingDirectionDICOM": "ROW",
	"ConversionSoftware": "dcm2niix",
	"ConversionSoftwareVersion": "v1.0.20220720"
}
