{
	"Modality": "MR",
	"MagneticFieldStrength": 6.98,
	"ImagingFrequency": 297.215,
	"Manufacturer": "Siemens",
	"ManufacturersModelName": "Investigational_Device_7T",
	"InstitutionName": "BMEII",
	"InstitutionalDepartmentName": "Department",
	"InstitutionAddress": "Street StreetNo,/823E50/New York City,District,US,ZIP",
	"DeviceSerialNumber": "18973",
	"StationName": "MEDPC",
	"PatientPosition": "HFS",
	"ProcedureStepDescription": "RESEARCH^GCO-20-8888D-A.Seifert",
	"SoftwareVersions": "syngo MR B17",
	"MRAcquisitionType": "2D",
	"SeriesDescription": "GFactor",
	"ProtocolName": "CoilQA_sag_HF_FOV192_1p5x1p5x2p0",
	"ScanningSequence": "RM",
	"SequenceVariant": "SP",
	"SequenceName": "fl_nmsm2d1",
	"ImageType": ["ORIGINAL", "PRIMARY", "M", "DIS2D"],
	"NonlinearGradientCorrection": true,
	"SeriesNumber": 33,
	"AcquisitionTime": "12:48:34.325000",
	"AcquisitionNumber": 1,
	"ImageComments": "1/G, R=2 [avg=1, Gmax=1000.00, scale=1000.000, offset=0.000]",
	"SliceThickness": 2,
	"SpacingBetweenSlices": 2.4,
	"SAR": 0.00417894,
	"NumberOfAverages": 2,
	"FlipAngle": 12,
	"PartialFourier": 1,
	"BaseResolution": 128,
	"ShimSetting": [
		-146,
		-510,
		-1,
		-2388,
		276,
		4504,
		2317,
		-179	],
	"TxRefAmp": 422,
	"PhaseResolution": 1,
	"ReceiveCoilName": "Spinal_Cord_7T",
	"CoilString": "C:C10-22;Ch1-9",
	"PulseSequenceDetails": "%CustomerSeq%\\NoiseMeasSensitivityMap",
	"CoilCombinationMethod": "Adaptive Combine",
	"MatrixCoilMode": "SENSE",
	"MultibandAccelerationFactor": 2,
	"PercentPhaseFOV": 100,
	"PercentSampling": 100,
	"PhaseEncodingSteps": 128,
	"AcquisitionMatrixPE": 128,
	"ReconMatrixPE": 256,
	"PixelBandwidth": 199,
	"DwellTime": 1.96e-05,
	"PhaseEncodingDirection": "j-",
	"SliceTiming": [
		0,
		0,
		7.70313,
		7.70313,
		15.4219,
		15.4219,
		23.1328,
		23.1328,
		30.8359,
		30.8359,
		38.5547,
		38.5547,
		46.2656	],
	"ImageOrientationPatientDICOM": [
		0,
		1,
		-2.05103e-10,
		0,
		-2.05103e-10,
		-1	],
	"ImageOrientationText": "Sag",
	"InPlanePhaseEncodingDirectionDICOM": "COL",
	"ConversionSoftware": "dcm2niix",
	"ConversionSoftwareVersion": "v1.0.20220720"
}
