{
	"Modality": "MR",
	"MagneticFieldStrength": 6.98,
	"ImagingFrequency": 297.215,
	"Manufacturer": "Siemens",
	"ManufacturersModelName": "Investigational_Device_7T",
	"InstitutionName": "BMEII",
	"InstitutionalDepartmentName": "Department",
	"InstitutionAddress": "Street StreetNo,/823E50/New York City,District,US,ZIP",
	"DeviceSerialNumber": "18973",
	"StationName": "MEDPC",
	"PatientPosition": "HFS",
	"ProcedureStepDescription": "RESEARCH^GCO-20-8888D-A.Seifert",
	"SoftwareVersions": "syngo MR B17",
	"MRAcquisitionType": "2D",
	"SeriesDescription": "preSatTFL_satFA70_sag_2p5mm_FOV320_RefV422V",
	"ProtocolName": "preSatTFL_satFA70_sag_2p5mm_FOV320_RefV422V",
	"ScanningSequence": "GR",
	"SequenceVariant": "SP",
	"SequenceName": "tfl2d1",
	"SeriesNumber": 4,
	"AcquisitionTime": "12:31:55.000000",
	"AcquisitionNumber": 1,
	"ImageComments": "flip angle map",
	"SliceThickness": 2.5,
	"SpacingBetweenSlices": 5,
	"SAR": 0.0266033,
	"EchoTime": 0.00284,
	"RepetitionTime": 20,
	"FlipAngle": 68,
	"PartialFourier": 1,
	"BaseResolution": 128,
	"ShimSetting": [
		111,
		134,
		-365,
		-764,
		114,
		-67,
		1515,
		-214	],
	"TxRefAmp": 422,
	"PhaseResolution": 1,
	"ReceiveCoilName": "Spinal_Cord_7T",
	"CoilString": "C:C10-22;Ch1-9",
	"PulseSequenceDetails": "%CustomerSeq%\\tfl_WIP543_B1map",
	"CoilCombinationMethod": "Sum of Squares",
	"MatrixCoilMode": "SENSE",
	"PercentPhaseFOV": 68.75,
	"PercentSampling": 100,
	"PhaseEncodingSteps": 88,
	"AcquisitionMatrixPE": 88,
	"ReconMatrixPE": 88,
	"PixelBandwidth": 399,
	"DwellTime": 9.8e-06,
	"PhaseEncodingDirection": "i",
	"SliceTiming": [
		40.3125,
		0,
		41.0313,
		0.71875,
		41.7578,
		1.44531,
		42.4688,
		2.15625,
		43.1953,
		2.88281,
		43.9141,
		3.60156,
		44.6328,
		4.32031,
		45.3516,
		5.03906,
		46.0703,
		5.75781,
		46.7891,
		6.47656,
		47.5156,
		7.20313,
		48.2344,
		7.92188,
		48.9531,
		8.64063,
		49.6719,
		9.35938,
		50.3906,
		10.0781,
		51.1094,
		10.7969,
		51.8359,
		11.5234,
		52.5547,
		12.2422,
		53.2734,
		12.9609,
		53.9922,
		13.6797,
		54.7109,
		14.3984,
		55.4297,
		15.1172,
		56.1484,
		15.8359,
		56.8672,
		16.5547,
		57.5938,
		17.2813,
		58.3125,
		18,
		59.0313,
		18.7188,
		59.75,
		19.4375	],
	"ImageOrientationPatientDICOM": [
		0,
		1,
		0,
		0,
		0,
		-1	],
	"ImageOrientationText": "Sag",
	"InPlanePhaseEncodingDirectionDICOM": "ROW",
	"ConversionSoftware": "dcm2niix",
	"ConversionSoftwareVersion": "v1.0.20220720"
}
