{
	"Modality": "MR",
	"MagneticFieldStrength": 6.98,
	"ImagingFrequency": 297.215,
	"Manufacturer": "Siemens",
	"ManufacturersModelName": "Investigational_Device_7T",
	"DeviceSerialNumber": "18973",
	"PatientPosition": "HFS",
	"SoftwareVersions": "syngo MR B17",
	"MRAcquisitionType": "2D",
	"SeriesDescription": "preSatTFL_satFA60_sag_2p5mm_FOV320_RefV450V",
	"ProtocolName": "preSatTFL_satFA60_sag_2p5mm_FOV320_RefV450V",
	"ScanningSequence": "GR",
	"SequenceVariant": "SP",
	"SequenceName": "tfl2d1",
	"SeriesNumber": 3,
	"AcquisitionNumber": 1,
	"SliceThickness": 2.5,
	"SpacingBetweenSlices": 5,
	"SAR": 0.0329335,
	"EchoTime": 0.00284,
	"RepetitionTime": 20,
	"FlipAngle": 60,
	"PercentPhaseFOV": 68.75,
	"PercentSampling": 100,
	"PhaseEncodingSteps": 88,
	"AcquisitionMatrixPE": 88,
	"ReconMatrixPE": 88,
	"PixelBandwidth": 399,
	"PhaseEncodingAxis": "i",
	"SliceTiming": [
		19.4375,
		59.75,
		18.7188,
		59.0313,
		18,
		58.3125,
		17.2813,
		57.5938,
		16.5625,
		56.875,
		15.8438,
		56.1563,
		15.1094,
		55.4219,
		14.3906,
		54.7031,
		13.6719,
		53.9844,
		12.9531,
		53.2656,
		12.2344,
		52.5469,
		11.5156,
		51.8281,
		10.7969,
		51.1094,
		10.0781,
		50.3906,
		9.35938,
		49.6719,
		8.64063,
		48.9531,
		7.92188,
		48.2344,
		7.20313,
		47.5156,
		6.48438,
		46.7969,
		5.76563,
		46.0781,
		5.04688,
		45.3594,
		4.3125,
		44.625,
		3.59375,
		43.9063,
		2.875,
		43.1875,
		2.15625,
		42.4688,
		1.4375,
		41.75,
		0.71875,
		41.0313,
		0,
		40.3125	],
	"ImageOrientationPatientDICOM": [
		0,
		1,
		0,
		0,
		0,
		-1	],
	"InPlanePhaseEncodingDirectionDICOM": "ROW",
	"ConversionSoftware": "dcm2niix",
	"ConversionSoftwareVersion": "v1.0.20220720"
}
