{
	"Modality": "MR",
	"MagneticFieldStrength": 7,
	"ImagingFrequency": 297.098,
	"Manufacturer": "Siemens",
	"ManufacturersModelName": "Terra",
	"InstitutionName": "St. Olav Hospital",
	"InstitutionalDepartmentName": "Department",
	"InstitutionAddress": "Prinsesse Kristinas Gate 1,Trondheim,District,NO,7030",
	"DeviceSerialNumber": "79123",
	"StationName": "AWP79123",
	"BodyPartExamined": "CSPINE",
	"PatientPosition": "HFS",
	"ProcedureStepDescription": "Johanna^TSSfinal",
	"SoftwareVersions": "syngo MR E12",
	"MRAcquisitionType": "2D",
	"SeriesDescription": "coilQA_sag_FH_1p5x1p5x2mm_largeFOV_24CH_C-Spine_SNR_Map",
	"ProtocolName": "coilQA_sag_FH_1p5x1p5x2mm_largeFOV",
	"ScanningSequence": "RM",
	"SequenceVariant": "SP",
	"SequenceName": "*fl2d1",
	"ImageType": ["ORIGINAL", "PRIMARY", "M", "ND"],
	"NonlinearGradientCorrection": false,
	"SeriesNumber": 30,
	"AcquisitionTime": "13:56:7.947500",
	"AcquisitionNumber": 1,
	"ImageComments": "rss SNR [avg=21.22, max=1045.35, scale=1.000, offset=0.000]",
	"SliceThickness": 2,
	"SpacingBetweenSlices": 2.4,
	"SAR": 0.00710972,
	"NumberOfAverages": 2,
	"FlipAngle": 12,
	"PartialFourier": 1,
	"BaseResolution": 256,
	"ShimSetting": [
		169,
		-7696,
		-1421,
		-1887,
		52,
		1704,
		-2869,
		-627	],
	"TxRefAmp": 550,
	"PhaseResolution": 1,
	"ReceiveCoilName": "24CH_C-Spine",
	"ReceiveCoilActiveElements": "A01-04;B05-08;C09-12;D13-16;E17-20;H21-24",
	"PulseSequenceDetails": "%ServiceSeq%\\coil_utils",
	"CoilCombinationMethod": "Adaptive Combine",
	"ConsistencyInfo": "N4_VE12U_LATEST_20181126",
	"MatrixCoilMode": "SENSE",
	"PercentPhaseFOV": 100,
	"PercentSampling": 100,
	"PhaseEncodingSteps": 256,
	"AcquisitionMatrixPE": 256,
	"ReconMatrixPE": 512,
	"PixelBandwidth": 200,
	"DwellTime": 9.8e-06,
	"PhaseEncodingDirection": "j-",
	"SliceTiming": [
		0,
		15.3594,
		30.7188,
		46.0781,
		61.4375,
		76.7969,
		92.1563,
		67.5156,
		82.875,
		98.2344,
		113.594,
		128.953,
		144.313	],
	"ImageOrientationPatientDICOM": [
		0,
		1,
		0,
		0,
		0,
		-1	],
	"ImageOrientationText": "Sag",
	"InPlanePhaseEncodingDirectionDICOM": "COL",
	"ConversionSoftware": "dcm2niix",
	"ConversionSoftwareVersion": "v1.0.20220720"
}
