{
	"Modality": "MR",
	"MagneticFieldStrength": 7,
	"ImagingFrequency": 297.212,
	"Manufacturer": "Siemens",
	"ManufacturersModelName": "Terra",
	"InstitutionName": "Wellcome Trust Centre Human Neuroimaging",
	"InstitutionalDepartmentName": "Terra",
	"InstitutionAddress": "Queens Square 12,London,London,GB,WC1N 3AR",
	"DeviceSerialNumber": "79120",
	"StationName": "AWP79120",
	"BodyPartExamined": "CSPINE",
	"PatientPosition": "HFS",
	"ProcedureStepDescription": "FIL Physics^Nadine",
	"SoftwareVersions": "syngo MR E12",
	"MRAcquisitionType": "2D",
	"SeriesDescription": "tfl_sag_2p5mmISO_largeFOV_RefVolOpt_ND",
	"ProtocolName": "tfl_sag_2p5mmISO_largeFOV_RefVolOpt",
	"ScanningSequence": "GR",
	"SequenceVariant": "SK\\SP",
	"SequenceName": "tfl2d1_512",
	"ImageType": ["ORIGINAL", "PRIMARY", "FLIP ANGLE MAP", "ND"],
	"NonlinearGradientCorrection": false,
	"SeriesNumber": 10,
	"AcquisitionTime": "16:55:20.615000",
	"AcquisitionNumber": 1,
	"ImageComments": "flip angle map, TraRefAmpl: 388.0 V",
	"SliceThickness": 2.5,
	"SpacingBetweenSlices": 5,
	"SAR": 0.0262834,
	"EchoTime": 0.00231,
	"RepetitionTime": 34.42,
	"SpoilingState": true,
	"FlipAngle": 90,
	"PartialFourier": 1,
	"BaseResolution": 144,
	"ShimSetting": [
		730,
		1942,
		-1746,
		-846,
		-655,
		-614,
		442,
		22	],
	"TxRefAmp": 388,
	"PhaseResolution": 1,
	"ReceiveCoilName": "1Tx8Rx_CSpine",
	"ReceiveCoilActiveElements": "CSP",
	"PulseSequenceDetails": "%SiemensSeq%\\tfl_b1map",
	"CoilCombinationMethod": "Sum of Squares",
	"ConsistencyInfo": "N4_VE12U_LATEST_20181126",
	"MatrixCoilMode": "SENSE",
	"PercentPhaseFOV": 61.1111,
	"PercentSampling": 100,
	"PhaseEncodingSteps": 88,
	"AcquisitionMatrixPE": 88,
	"ReconMatrixPE": 88,
	"PixelBandwidth": 400,
	"DwellTime": 8.7e-06,
	"PhaseEncodingDirection": "i",
	"SliceTiming": [
		17.3281,
		0,
		17.9531,
		0.625,
		18.5625,
		1.23438,
		19.1875,
		1.85938,
		19.7969,
		2.46875,
		20.4219,
		3.09375,
		21.0469,
		3.71875,
		21.6563,
		4.32813,
		22.2813,
		4.95313,
		22.9063,
		5.57813,
		23.5156,
		6.1875,
		24.1406,
		6.8125,
		24.75,
		7.42188,
		25.375,
		8.04688,
		25.9844,
		8.65625,
		26.6094,
		9.28125,
		27.2344,
		9.90625,
		27.8438,
		10.5156,
		28.4688,
		11.1406,
		29.0938,
		11.7656,
		29.7031,
		12.375,
		30.3281,
		13,
		30.9375,
		13.6094,
		31.5625,
		14.2344,
		32.1875,
		14.8594,
		32.7969,
		15.4688,
		33.4219,
		16.0938,
		34.0313,
		16.7031	],
	"ImageOrientationPatientDICOM": [
		0,
		1,
		0,
		0,
		0,
		-1	],
	"ImageOrientationText": "Sag",
	"InPlanePhaseEncodingDirectionDICOM": "ROW",
	"ConversionSoftware": "dcm2niix",
	"ConversionSoftwareVersion": "v1.0.20220720"
}
