{
	"Modality": "MR",
	"MagneticFieldStrength": 6.98,
	"ImagingFrequency": 297.215,
	"Manufacturer": "Siemens",
	"ManufacturersModelName": "Investigational_Device_7T",
	"DeviceSerialNumber": "18973",
	"PatientPosition": "HFS",
	"SoftwareVersions": "syngo MR B17",
	"MRAcquisitionType": "2D",
	"SeriesDescription": "gre_2D_2mmIso_RefV450_uncombined",
	"ProtocolName": "gre_2D_2mmIso_RefV450_uncombined",
	"ScanningSequence": "GR",
	"SequenceVariant": "SP",
	"SequenceName": "*fl2d1",
	"ImageType": ["ORIGINAL", "PRIMARY", "M", "DIS3D", "DIS2D"],
	"NonlinearGradientCorrection": true,
	"SeriesNumber": 32,
	"AcquisitionNumber": 1,
	"SliceThickness": 2,
	"SpacingBetweenSlices": 2,
	"SAR": 0.0776948,
	"EchoTime": 0.00387,
	"RepetitionTime": 0.55,
	"FlipAngle": 30,
	"MultibandAccelerationFactor": 2,
	"PercentPhaseFOV": 75,
	"PercentSampling": 100,
	"PhaseEncodingSteps": 144,
	"AcquisitionMatrixPE": 144,
	"ReconMatrixPE": 144,
	"PixelBandwidth": 322,
	"PhaseEncodingAxis": "i",
	"SliceTiming": [
		0.28125,
		0,
		0,
		0.28125,
		0.01563,
		0.01563,
		0.29688,
		0.03125,
		0.03125,
		0.3125,
		0.03125,
		0.03125,
		0.32813,
		0.04688,
		0.04688,
		0.34375,
		0.0625,
		0.0625,
		0.34375,
		0.07813,
		0.07813,
		0.35938,
		0.09375,
		0.09375,
		0.375,
		0.09375,
		0.09375,
		0.39063,
		0.10938,
		0.10938,
		0.40625,
		0.125,
		0.125,
		0.40625,
		0.14063,
		0.14063,
		0.42188,
		0.15625,
		0.15625,
		0.4375,
		0.15625,
		0.45313,
		0.17188,
		0.46875,
		0.1875,
		0.46875,
		0.20313,
		0.48438,
		0.21875,
		0.5,
		0.21875,
		0.51563,
		0.23438,
		0.53125,
		0.25,
		0.53125,
		0.26563	],
	"ImageOrientationPatientDICOM": [
		0,
		1,
		0,
		0,
		0,
		-1	],
	"InPlanePhaseEncodingDirectionDICOM": "ROW",
	"ConversionSoftware": "dcm2niix",
	"ConversionSoftwareVersion": "v1.0.20220720"
}
