{
	"Modality": "MR",
	"MagneticFieldStrength": 7,
	"ImagingFrequency": 297.099,
	"Manufacturer": "Siemens",
	"ManufacturersModelName": "Terra",
	"InstitutionName": "St. Olav Hospital",
	"InstitutionalDepartmentName": "Department",
	"InstitutionAddress": "Prinsesse Kristinas Gate 1,Trondheim,District,NO,7030",
	"DeviceSerialNumber": "79123",
	"StationName": "AWP79123",
	"BodyPartExamined": "CSPINE",
	"PatientPosition": "HFS",
	"ProcedureStepDescription": "Johanna^TSSfinal",
	"SoftwareVersions": "syngo MR E12",
	"MRAcquisitionType": "2D",
	"SeriesDescription": "FAMap_ND",
	"ProtocolName": "DREAM2D_sag_2p5mmISO_mediumFOV_refv600",
	"ScanningSequence": "RM",
	"SequenceVariant": "SK\\SP",
	"SequenceName": "2d",
	"ImageType": ["ORIGINAL", "PRIMARY", "M", "ND", "TXMAP"],
	"NonlinearGradientCorrection": false,
	"SeriesNumber": 31,
	"AcquisitionTime": "13:59:42.217500",
	"AcquisitionNumber": 1,
	"ImageComments": "Flipangle Map; Mean: 56.8deg",
	"SliceThickness": 2.5,
	"SpacingBetweenSlices": 2.5,
	"SAR": 0.00614915,
	"EchoNumber": 2,
	"EchoTime": 0.0031,
	"RepetitionTime": 6,
	"SpoilingState": true,
	"FlipAngle": 50,
	"PartialFourier": 1,
	"BaseResolution": 80,
	"ShimSetting": [
		227,
		-6717,
		-1087,
		-255,
		209,
		599,
		2674,
		170	],
	"TxRefAmp": 600,
	"PhaseResolution": 1,
	"ReceiveCoilName": "24CH_C-Spine",
	"ReceiveCoilActiveElements": "A01-04;B05-08;C09-12;D13-16;E17-20;H21-24",
	"PulseSequenceDetails": "%CustomerSeq%\\ThreeDream_2d",
	"WipMemBlock": "threedream 727f999 2d_v0.31",
	"CoilCombinationMethod": "Sum of Squares",
	"ConsistencyInfo": "N4_VE12U_LATEST_20181126",
	"MatrixCoilMode": "SENSE",
	"PercentPhaseFOV": 100,
	"PercentSampling": 100,
	"PhaseEncodingSteps": 80,
	"AcquisitionMatrixPE": 80,
	"ReconMatrixPE": 80,
	"PixelBandwidth": 1010,
	"DwellTime": 6.2e-06,
	"PhaseEncodingDirection": "i",
	"SliceTiming": [
		0,
		6,
		12,
		18,
		24,
		30,
		36,
		42,
		48,
		54,
		60	],
	"ImageOrientationPatientDICOM": [
		0.00208757,
		0.999998,
		-4.05651e-08,
		0.0243428,
		-5.0858e-05,
		-0.999704	],
	"ImageOrientationText": "Sag>Tra(-1.4)>Cor(0.1)",
	"InPlanePhaseEncodingDirectionDICOM": "ROW",
	"ConversionSoftware": "dcm2niix",
	"ConversionSoftwareVersion": "v1.0.20220720"
}
