{
	"Modality": "MR",
	"MagneticFieldStrength": 7,
	"ImagingFrequency": 297.191781,
	"Manufacturer": "Siemens",
	"ManufacturersModelName": "Terra",
	"InstitutionName": "MPI CBS",
	"InstitutionAddress": "Stephanstrasse 1a,Leipzig,Leipzig,DE,04103",
	"DeviceSerialNumber": "79125",
	"StationName": "SEPTEMSYS",
	"BodyPartExamined": "CSPINE",
	"PatientPosition": "HFS",
	"ProcedureStepDescription": "FE^TravelingSpine_Run",
	"SoftwareVersions": "syngo MR E12",
	"MRAcquisitionType": "2D",
	"SeriesDescription": "gre_2mmISO_multichannel_uncomb",
	"ProtocolName": "gre_2mmISO_multichannel_uncomb",
	"ScanningSequence": "GR",
	"SequenceVariant": "SP",
	"SequenceName": "*fl2d1",
	"ImageType": ["ORIGINAL", "PRIMARY", "M", "ND"],
	"NonlinearGradientCorrection": false,
	"SeriesNumber": 45,
	"AcquisitionTime": "15:37:58.187500",
	"AcquisitionNumber": 1,
	"SliceThickness": 2,
	"SpacingBetweenSlices": 2,
	"SAR": 0.151858,
	"EchoTime": 0.0038,
	"RepetitionTime": 0.55,
	"FlipAngle": 30,
	"PartialFourier": 1,
	"BaseResolution": 192,
	"ShimSetting": [
		-1064,
		900,
		-893,
		54,
		-600,
		-22,
		1110,
		-429	],
	"TxRefAmp": 510,
	"PhaseResolution": 1,
	"ReceiveCoilName": "24CH_SpinalCord",
	"ReceiveCoilActiveElements": "A01-08;D09-16;E17-20;H21-24",
	"CoilString": "23",
	"PulseSequenceDetails": "%SiemensSeq%\\gre",
	"CoilCombinationMethod": "Sum of Squares",
	"ConsistencyInfo": "N4_VE12U_LATEST_20181126",
	"MatrixCoilMode": "SENSE",
	"PercentPhaseFOV": 75,
	"PercentSampling": 100,
	"PhaseEncodingSteps": 144,
	"AcquisitionMatrixPE": 144,
	"ReconMatrixPE": 144,
	"PixelBandwidth": 320,
	"PhaseEncodingDirection": "i",
	"SliceTiming": [
		0.28125,
		0,
		0.29688,
		0.01562,
		0.3125,
		0.03125,
		0.3125,
		0.04688,
		0.32812,
		0.0625,
		0.34375,
		0.0625,
		0.35938,
		0.07812,
		0.375,
		0.09375,
		0.375,
		0.10938,
		0.39062,
		0.125,
		0.40625,
		0.125,
		0.42188,
		0.14062,
		0.4375,
		0.15625,
		0.4375,
		0.17188,
		0.45312,
		0.1875,
		0.46875,
		0.1875,
		0.48438,
		0.20312,
		0.5,
		0.21875,
		0.5,
		0.23438,
		0.51562,
		0.25,
		0.53125,
		0.25,
		0.54688,
		0.26562	],
	"ImageOrientationPatientDICOM": [
		0,
		1,
		0,
		0,
		0,
		-1	],
	"InPlanePhaseEncodingDirectionDICOM": "ROW",
	"BidsGuess": ["discard","_acq-fl2_run-45_localizer"],
	"ConversionSoftware": "dcm2niix",
	"ConversionSoftwareVersion": "v1.0.20240202"
}
