{
	"Modality": "MR",
	"MagneticFieldStrength": 7,
	"ImagingFrequency": 297.19,
	"Manufacturer": "Siemens",
	"ManufacturersModelName": "Terra",
	"InstitutionName": "CEMEREM 7T",
	"InstitutionalDepartmentName": "CEMEREM",
	"InstitutionAddress": "RUE ST PIERRE 264,Marseille,District,FR,13006",
	"DeviceSerialNumber": "79132",
	"StationName": "AWP79132",
	"BodyPartExamined": "CSPINE",
	"PatientPosition": "HFS",
	"ProcedureStepDescription": "VCAL^THS_fMRI_coilQA",
	"SoftwareVersions": "syngo MR E12",
	"MRAcquisitionType": "2D",
	"SeriesDescription": "tfl_sag_2p5mmISO_largeFOV_RefVol_233_ND",
	"ProtocolName": "tfl_sag_2p5mmISO_largeFOV_RefVol_233",
	"ScanningSequence": "GR",
	"SequenceVariant": "SK\\SP",
	"SequenceName": "tfl2d1_512",
	"ImageType": ["ORIGINAL", "PRIMARY", "FLIP ANGLE MAP", "ND"],
	"NonlinearGradientCorrection": false,
	"SeriesNumber": 8,
	"AcquisitionTime": "10:49:55.522500",
	"AcquisitionNumber": 1,
	"ImageComments": "flip angle map, TraRefAmpl: 233.0 V",
	"SliceThickness": 2.5,
	"SpacingBetweenSlices": 5,
	"SAR": 0.0202556,
	"EchoTime": 0.00231,
	"RepetitionTime": 34.42,
	"SpoilingState": true,
	"FlipAngle": 89.99,
	"PartialFourier": 1,
	"BaseResolution": 144,
	"ShimSetting": [
		1420,
		-698,
		275,
		-843,
		-17,
		389,
		-697,
		557	],
	"TxRefAmp": 233,
	"PhaseResolution": 1,
	"ReceiveCoilName": "1Tx8Rx_CSpine",
	"ReceiveCoilActiveElements": "CSP",
	"PulseSequenceDetails": "%SiemensSeq%\\tfl_b1map",
	"CoilCombinationMethod": "Sum of Squares",
	"ConsistencyInfo": "N4_VE12U_LATEST_20181126",
	"MatrixCoilMode": "SENSE",
	"PercentPhaseFOV": 61.1111,
	"PercentSampling": 100,
	"PhaseEncodingSteps": 88,
	"AcquisitionMatrixPE": 88,
	"ReconMatrixPE": 88,
	"PixelBandwidth": 400,
	"DwellTime": 8.7e-06,
	"PhaseEncodingDirection": "i",
	"SliceTiming": [
		17.3281,
		0,
		17.9453,
		0.61719,
		18.5703,
		1.24219,
		19.1875,
		1.85938,
		19.8047,
		2.47656,
		20.4219,
		3.09375,
		21.0391,
		3.71875,
		21.6563,
		4.33594,
		22.2813,
		4.95313,
		22.8984,
		5.57031,
		23.5156,
		6.1875,
		24.1328,
		6.80469,
		24.7578,
		7.42969,
		25.375,
		8.04688,
		25.9922,
		8.66406,
		26.6094,
		9.28125,
		27.2266,
		9.90625,
		27.8516,
		10.5234,
		28.4688,
		11.1406,
		29.0859,
		11.7578,
		29.7031,
		12.375,
		30.3281,
		13,
		30.9453,
		13.6172,
		31.5625,
		14.2344,
		32.1797,
		14.8516,
		32.7969,
		15.4688,
		33.4219,
		16.0938,
		34.0391,
		16.7109	],
	"ImageOrientationPatientDICOM": [
		0,
		1,
		0,
		0,
		0,
		-1	],
	"ImageOrientationText": "Sag",
	"InPlanePhaseEncodingDirectionDICOM": "ROW",
	"ConversionSoftware": "dcm2niix",
	"ConversionSoftwareVersion": "v1.0.20220720"
}
