{
	"Modality": "MR",
	"MagneticFieldStrength": 7,
	"ImagingFrequency": 297.189,
	"Manufacturer": "Siemens",
	"ManufacturersModelName": "Investigational_Device_7T",
	"InstitutionName": "MGH Terra pTx Bay2",
	"InstitutionalDepartmentName": "Department",
	"InstitutionAddress": "13th St 149,Charlestown,MA,US,02129",
	"DeviceSerialNumber": "79021",
	"StationName": "BAY2OCB",
	"BodyPartExamined": "CSPINE",
	"PatientPosition": "HFS",
	"ProcedureStepDescription": "BARRY^Coil_QA_Test",
	"SoftwareVersions": "syngo MR E12",
	"MRAcquisitionType": "2D",
	"SeriesDescription": "RefVolt_ND",
	"ProtocolName": "Dream2D_sag_2p5mmISO_mediumFOV",
	"ScanningSequence": "RM",
	"SequenceVariant": "SK\\SP",
	"SequenceName": "master",
	"ImageType": ["ORIGINAL", "PRIMARY", "M", "ND", "REFVOLTMAP"],
	"NonlinearGradientCorrection": false,
	"SeriesNumber": 39,
	"AcquisitionTime": "10:18:27.037500",
	"AcquisitionNumber": 1,
	"ImageComments": "Reference Voltage Map; Mean: 533 V",
	"SliceThickness": 2.5,
	"SpacingBetweenSlices": 2.5,
	"SAR": 0.00400208,
	"EchoNumber": 2,
	"EchoTime": 0.0031,
	"RepetitionTime": 6,
	"SpoilingState": true,
	"FlipAngle": 50,
	"PartialFourier": 1,
	"BaseResolution": 80,
	"ShimSetting": [
		3711,
		-7057,
		-5081,
		-1255,
		148,
		4425,
		1483,
		285	],
	"TxRefAmp": 520,
	"PhaseResolution": 1,
	"ReceiveCoilName": "NEUROPOLY_SPINE7T",
	"ReceiveCoilActiveElements": "1H;1H;1H;1H;1H;1H;1H;1H;1H;1H;1H;1H;1H;1H;1H;1H;1H;1H;1H;1H",
	"PulseSequenceDetails": "%CustomerSeq%\\ThreeDream",
	"WipMemBlock": "threedream 30e5ea5 v0.33",
	"CoilCombinationMethod": "Sum of Squares",
	"ConsistencyInfo": "N4_VE12U_LATEST_20181126",
	"MatrixCoilMode": "SENSE",
	"PercentPhaseFOV": 100,
	"PercentSampling": 100,
	"PhaseEncodingSteps": 80,
	"AcquisitionMatrixPE": 80,
	"ReconMatrixPE": 80,
	"PixelBandwidth": 1010,
	"DwellTime": 6.2e-06,
	"PhaseEncodingDirection": "i",
	"SliceTiming": [
		0,
		6,
		12,
		18,
		24,
		30,
		36,
		42,
		48,
		54,
		60	],
	"ImageOrientationPatientDICOM": [
		0,
		1,
		0,
		0,
		0,
		-1	],
	"ImageOrientationText": "Sag",
	"InPlanePhaseEncodingDirectionDICOM": "ROW",
	"ConversionSoftware": "dcm2niix",
	"ConversionSoftwareVersion": "v1.0.20220720"
}
