{
	"Modality": "MR",
	"MagneticFieldStrength": 7,
	"ImagingFrequency": 297.191855,
	"Manufacturer": "Siemens",
	"ManufacturersModelName": "Terra",
	"InstitutionName": "MPI CBS",
	"InstitutionAddress": "Stephanstrasse 1a,Leipzig,Leipzig,DE,04103",
	"DeviceSerialNumber": "79125",
	"StationName": "SEPTEMSYS",
	"BodyPartExamined": "CSPINE",
	"PatientPosition": "HFS",
	"ProcedureStepDescription": "FE^TravelingSpine_Run",
	"SoftwareVersions": "syngo MR E12",
	"MRAcquisitionType": "2D",
	"SeriesDescription": "tfl_sag_2p5mmISO_largeFOV_RefVolC56_510_ND",
	"ProtocolName": "tfl_sag_2p5mmISO_largeFOV_RefVolC56_510",
	"ScanningSequence": "GR",
	"SequenceVariant": "SK\\SP",
	"SequenceName": "tfl2d1_512",
	"ImageType": ["ORIGINAL", "PRIMARY", "M", "ND"],
	"NonlinearGradientCorrection": false,
	"SeriesNumber": 6,
	"AcquisitionTime": "15:17:8.650000",
	"AcquisitionNumber": 1,
	"ImageComments": "anatomical image",
	"SliceThickness": 2.5,
	"SpacingBetweenSlices": 5,
	"SAR": 0.0595805,
	"EchoTime": 0.00231,
	"RepetitionTime": 34.42,
	"SpoilingState": true,
	"FlipAngle": 10,
	"PartialFourier": 1,
	"BaseResolution": 144,
	"ShimSetting": [
		-1096,
		716,
		-706,
		-98,
		-815,
		358,
		1296,
		-429	],
	"TxRefAmp": 510,
	"PhaseResolution": 1,
	"ReceiveCoilName": "24CH_SpinalCord",
	"ReceiveCoilActiveElements": "A01-08;D09-16;E17-20;H21-24",
	"PulseSequenceDetails": "%SiemensSeq%\\tfl_b1map",
	"CoilCombinationMethod": "Sum of Squares",
	"ConsistencyInfo": "N4_VE12U_LATEST_20181126",
	"MatrixCoilMode": "SENSE",
	"PercentPhaseFOV": 62.5,
	"PercentSampling": 100,
	"PhaseEncodingSteps": 90,
	"AcquisitionMatrixPE": 90,
	"ReconMatrixPE": 90,
	"PixelBandwidth": 400,
	"PhaseEncodingDirection": "i",
	"SliceTiming": [
		17.3281,
		0,
		17.9531,
		0.625,
		18.5625,
		1.23438,
		19.1875,
		1.85938,
		19.8125,
		2.48438,
		20.4219,
		3.09375,
		21.0469,
		3.71875,
		21.6562,
		4.32812,
		22.2812,
		4.95312,
		22.9062,
		5.57812,
		23.5156,
		6.1875,
		24.1406,
		6.8125,
		24.75,
		7.4375,
		25.375,
		8.04688,
		26,
		8.67188,
		26.6094,
		9.28125,
		27.2344,
		9.90625,
		27.8438,
		10.5156,
		28.4688,
		11.1406,
		29.0938,
		11.7656,
		29.7031,
		12.375,
		30.3281,
		13,
		30.9375,
		13.625,
		31.5625,
		14.2344,
		32.1875,
		14.8594,
		32.7969,
		15.4688,
		33.4219,
		16.0938,
		34.0469,
		16.7188	],
	"ImageOrientationPatientDICOM": [
		0,
		1,
		0,
		0,
		0,
		-1	],
	"InPlanePhaseEncodingDirectionDICOM": "ROW",
	"BidsGuess": ["discard","_acq-tfl2_run-6_localizer"],
	"ConversionSoftware": "dcm2niix",
	"ConversionSoftwareVersion": "v1.0.20240202"
}
