{
	"Modality": "MR",
	"MagneticFieldStrength": 6.98,
	"ImagingFrequency": 297.215,
	"Manufacturer": "Siemens",
	"ManufacturersModelName": "Investigational_Device_7T",
	"DeviceSerialNumber": "18973",
	"PatientPosition": "HFS",
	"SoftwareVersions": "syngo MR B17",
	"MRAcquisitionType": "2D",
	"SeriesDescription": "preSatTFL_sag_2p5mm_FOV320_RefV450V_satFA60",
	"ProtocolName": "preSatTFL_sag_2p5mm_FOV320_RefV450V_satFA60",
	"ScanningSequence": "GR",
	"SequenceVariant": "SP",
	"SequenceName": "tfl2d1",
	"SeriesNumber": 5,
	"AcquisitionNumber": 1,
	"SliceThickness": 2.5,
	"SpacingBetweenSlices": 5,
	"SAR": 0.0240754,
	"EchoTime": 0.00284,
	"RepetitionTime": 20,
	"FlipAngle": 60,
	"PercentPhaseFOV": 68.75,
	"PercentSampling": 100,
	"PhaseEncodingSteps": 88,
	"AcquisitionMatrixPE": 88,
	"ReconMatrixPE": 88,
	"PixelBandwidth": 399,
	"PhaseEncodingAxis": "i",
	"SliceTiming": [
		19.4297,
		59.7422,
		18.7109,
		59.0234,
		17.9922,
		58.3047,
		17.2734,
		57.5859,
		16.5547,
		56.8672,
		15.8359,
		56.1484,
		15.1172,
		55.4297,
		14.3906,
		54.7031,
		13.6719,
		53.9844,
		12.9531,
		53.2656,
		12.2344,
		52.5469,
		11.5156,
		51.8281,
		10.7969,
		51.1094,
		10.0703,
		50.3828,
		9.35156,
		49.6641,
		8.63281,
		48.9453,
		7.91406,
		48.2266,
		7.19531,
		47.5078,
		6.47656,
		46.7891,
		5.75,
		46.0625,
		5.03906,
		45.3438,
		4.3125,
		44.625,
		3.59375,
		43.9063,
		2.875,
		43.1875,
		2.15625,
		42.4688,
		1.4375,
		41.75,
		0.71875,
		41.0313,
		0,
		40.3125	],
	"ImageOrientationPatientDICOM": [
		0,
		1,
		-1e-16,
		-0.0296663,
		0,
		-0.99956	],
	"InPlanePhaseEncodingDirectionDICOM": "ROW",
	"ConversionSoftware": "dcm2niix",
	"ConversionSoftwareVersion": "v1.0.20220720"
}
