{
	"Modality": "MR",
	"MagneticFieldStrength": 7,
	"ImagingFrequency": 297.199,
	"Manufacturer": "Siemens",
	"ManufacturersModelName": "Investigational_Device_7T",
	"InstitutionName": "BIC",
	"InstitutionalDepartmentName": "Department",
	"InstitutionAddress": "Street StreetNo,City,District,CA,ZIP",
	"DeviceSerialNumber": "79017",
	"StationName": "AWP79017",
	"BodyPartExamined": "CSPINE",
	"PatientPosition": "HFS",
	"ProcedureStepDescription": "Development^Dr. Cohen-Adad",
	"SoftwareVersions": "syngo MR E12",
	"MRAcquisitionType": "2D",
	"SeriesDescription": "gre_2mmISO_multichannel_uncomb",
	"ProtocolName": "gre_2mmISO_multichannel_uncomb",
	"ScanningSequence": "GR",
	"SequenceVariant": "SP",
	"SequenceName": "*fl2d1",
	"ImageType": ["ORIGINAL", "PRIMARY", "M", "ND"],
	"NonlinearGradientCorrection": false,
	"SeriesNumber": 45,
	"AcquisitionTime": "11:34:3.725000",
	"AcquisitionNumber": 1,
	"SliceThickness": 2,
	"SpacingBetweenSlices": 2,
	"SAR": 0.113849,
	"EchoTime": 0.0038,
	"RepetitionTime": 0.55,
	"FlipAngle": 30,
	"PartialFourier": 1,
	"BaseResolution": 192,
	"ShimSetting": [
		146,
		-205,
		-600,
		-592,
		-111,
		939,
		259,
		-97	],
	"TxRefAmp": 649.6,
	"PhaseResolution": 1,
	"ReceiveCoilName": "NP11_ACDC_SPINE",
	"ReceiveCoilActiveElements": "1H;1H;1H;1H;1H;1H;1H;1H;1H;1H;1H;1H;1H;1H;1H;1H;1H;1H;1H;1H",
	"CoilString": "RX07",
	"PulseSequenceDetails": "%SiemensSeq%\\gre",
	"CoilCombinationMethod": "Sum of Squares",
	"ConsistencyInfo": "N4_VE12U_LATEST_20181126",
	"MatrixCoilMode": "SENSE",
	"PercentPhaseFOV": 75,
	"PercentSampling": 100,
	"PhaseEncodingSteps": 144,
	"AcquisitionMatrixPE": 144,
	"ReconMatrixPE": 144,
	"PixelBandwidth": 320,
	"DwellTime": 8.1e-06,
	"PhaseEncodingDirection": "i",
	"SliceTiming": [
		0.27344,
		0,
		0.28125,
		0.00781,
		0.29688,
		0.02344,
		0.3125,
		0.03125,
		0.32031,
		0.04688,
		0.33594,
		0.0625,
		0.34375,
		0.07031,
		0.35938,
		0.08594,
		0.375,
		0.09375,
		0.38281,
		0.10938,
		0.39844,
		0.125,
		0.40625,
		0.13281,
		0.42188,
		0.14844,
		0.4375,
		0.15625,
		0.44531,
		0.17188,
		0.46094,
		0.1875,
		0.46875,
		0.19531,
		0.48438,
		0.21094,
		0.5,
		0.21875,
		0.50781,
		0.23438,
		0.52344,
		0.25,
		0.53125,
		0.25781	],
	"ImageOrientationPatientDICOM": [
		0,
		1,
		0,
		0,
		0,
		-1	],
	"ImageOrientationText": "Sag",
	"InPlanePhaseEncodingDirectionDICOM": "ROW",
	"ConversionSoftware": "dcm2niix",
	"ConversionSoftwareVersion": "v1.0.20220720"
}
