{
	"Modality": "MR",
	"MagneticFieldStrength": 6.98,
	"ImagingFrequency": 297.215,
	"Manufacturer": "Siemens",
	"ManufacturersModelName": "Investigational_Device_7T",
	"InstitutionName": "BMEII",
	"InstitutionalDepartmentName": "Department",
	"InstitutionAddress": "Street StreetNo,/823E50/New York City,District,US,ZIP",
	"DeviceSerialNumber": "18973",
	"StationName": "MEDPC",
	"PatientPosition": "HFS",
	"ProcedureStepDescription": "RESEARCH^GCO-20-8888D-A.Seifert",
	"SoftwareVersions": "syngo MR B17",
	"MRAcquisitionType": "2D",
	"SeriesDescription": "gre_2D_2mmIso_RefV300_uncombined_ND",
	"ProtocolName": "gre_2D_2mmIso_RefV300_uncombined",
	"ScanningSequence": "GR",
	"SequenceVariant": "SP",
	"SequenceName": "*fl2d1",
	"ImageType": ["ORIGINAL", "PRIMARY", "M", "ND"],
	"NonlinearGradientCorrection": false,
	"SeriesNumber": 43,
	"AcquisitionTime": "12:55:54.497500",
	"AcquisitionNumber": 1,
	"SliceThickness": 2,
	"SpacingBetweenSlices": 2,
	"SAR": 0.0787543,
	"EchoTime": 0.00387,
	"RepetitionTime": 0.55,
	"FlipAngle": 30,
	"PartialFourier": 1,
	"BaseResolution": 192,
	"ShimSetting": [
		57,
		145,
		-501,
		-795,
		127,
		-158,
		1827,
		-240	],
	"TxRefAmp": 422,
	"PhaseResolution": 1,
	"ReceiveCoilName": "Spinal_Cord_7T",
	"CoilString": "C21",
	"PulseSequenceDetails": "%SiemensSeq%\\gre",
	"CoilCombinationMethod": "Sum of Squares",
	"MatrixCoilMode": "SENSE",
	"PercentPhaseFOV": 75,
	"PercentSampling": 100,
	"PhaseEncodingSteps": 144,
	"AcquisitionMatrixPE": 144,
	"ReconMatrixPE": 144,
	"PixelBandwidth": 322,
	"DwellTime": 8.1e-06,
	"PhaseEncodingDirection": "i",
	"SliceTiming": [
		0.28125,
		0,
		0.28906,
		0.01563,
		0.30469,
		0.03125,
		0.3125,
		0.03906,
		0.32813,
		0.05469,
		0.34375,
		0.0625,
		0.35156,
		0.07813,
		0.36719,
		0.09375,
		0.375,
		0.10156,
		0.39063,
		0.11719,
		0.40625,
		0.125,
		0.41406,
		0.14063,
		0.42969,
		0.15625,
		0.4375,
		0.16406,
		0.45313,
		0.17969,
		0.46875,
		0.1875,
		0.47656,
		0.20313,
		0.49219,
		0.21875,
		0.5,
		0.22656,
		0.51563,
		0.24219,
		0.53125,
		0.25,
		0.53906,
		0.26563	],
	"ImageOrientationPatientDICOM": [
		0,
		1,
		0,
		0,
		0,
		-1	],
	"ImageOrientationText": "Sag",
	"InPlanePhaseEncodingDirectionDICOM": "ROW",
	"ConversionSoftware": "dcm2niix",
	"ConversionSoftwareVersion": "v1.0.20220720"
}
