{
	"Modality": "MR",
	"MagneticFieldStrength": 7,
	"ImagingFrequency": 297.098,
	"Manufacturer": "Siemens",
	"ManufacturersModelName": "Terra",
	"InstitutionName": "St. Olav Hospital",
	"InstitutionalDepartmentName": "Department",
	"InstitutionAddress": "Prinsesse Kristinas Gate 1,Trondheim,District,NO,7030",
	"DeviceSerialNumber": "79123",
	"StationName": "AWP79123",
	"BodyPartExamined": "CSPINE",
	"PatientPosition": "HFS",
	"ProcedureStepDescription": "Johanna^TSSfinal",
	"SoftwareVersions": "syngo MR E12",
	"MRAcquisitionType": "2D",
	"SeriesDescription": "coilQA_sag_FH_1p5x1p5x2mm_smallFOV_24CH_C-Spine_G-Factor",
	"ProtocolName": "coilQA_sag_FH_1p5x1p5x2mm_smallFOV",
	"ScanningSequence": "RM",
	"SequenceVariant": "SP",
	"SequenceName": "*fl2d1",
	"ImageType": ["ORIGINAL", "PRIMARY", "M", "ND"],
	"NonlinearGradientCorrection": false,
	"SeriesNumber": 31,
	"AcquisitionTime": "11:14:4.770000",
	"AcquisitionNumber": 1,
	"ImageComments": "1/G, R=2 [avg=972, Gmax=1.89, scale=1000.000, offset=0.000]",
	"SliceThickness": 2,
	"SpacingBetweenSlices": 2.4,
	"SAR": 0.00968765,
	"NumberOfAverages": 2,
	"FlipAngle": 12,
	"PartialFourier": 1,
	"BaseResolution": 128,
	"ShimSetting": [
		87,
		-7776,
		-1788,
		-812,
		390,
		4250,
		-3781,
		365	],
	"TxRefAmp": 550,
	"PhaseResolution": 1,
	"ReceiveCoilName": "24CH_C-Spine",
	"ReceiveCoilActiveElements": "A01-04;B05-08;C09-12;D13-16;E17-20;H21-24",
	"PulseSequenceDetails": "%ServiceSeq%\\coil_utils",
	"CoilCombinationMethod": "Adaptive Combine",
	"ConsistencyInfo": "N4_VE12U_LATEST_20181126",
	"MatrixCoilMode": "SENSE",
	"PercentPhaseFOV": 100,
	"PercentSampling": 100,
	"PhaseEncodingSteps": 128,
	"AcquisitionMatrixPE": 128,
	"ReconMatrixPE": 256,
	"PixelBandwidth": 200,
	"DwellTime": 1.96e-05,
	"PhaseEncodingDirection": "j-",
	"SliceTiming": [
		0,
		7.67969,
		15.3594,
		23.0391,
		30.7188,
		38.3984,
		46.0781,
		53.7578,
		61.4375,
		69.1172,
		76.7969,
		84.4766,
		92.1563	],
	"ImageOrientationPatientDICOM": [
		0,
		1,
		4.897e-12,
		0,
		4.897e-12,
		-1	],
	"ImageOrientationText": "Sag",
	"InPlanePhaseEncodingDirectionDICOM": "COL",
	"ConversionSoftware": "dcm2niix",
	"ConversionSoftwareVersion": "v1.0.20220720"
}
