{
	"Modality": "MR",
	"MagneticFieldStrength": 7,
	"ImagingFrequency": 297.099,
	"Manufacturer": "Siemens",
	"ManufacturersModelName": "Terra",
	"InstitutionName": "St. Olav Hospital",
	"InstitutionalDepartmentName": "Department",
	"InstitutionAddress": "Prinsesse Kristinas Gate 1,Trondheim,District,NO,7030",
	"DeviceSerialNumber": "79123",
	"StationName": "AWP79123",
	"BodyPartExamined": "CSPINE",
	"PatientPosition": "HFS",
	"ProcedureStepDescription": "Johanna^TSSfinal",
	"SoftwareVersions": "syngo MR E12",
	"MRAcquisitionType": "2D",
	"SeriesDescription": "tfl_sag_2p5mmISO_largeFOV_Refv550_ND",
	"ProtocolName": "tfl_sag_2p5mmISO_largeFOV_Refv550",
	"ScanningSequence": "GR",
	"SequenceVariant": "SK\\SP",
	"SequenceName": "tfl2d1_512",
	"ImageType": ["ORIGINAL", "PRIMARY", "FLIP ANGLE MAP", "ND"],
	"NonlinearGradientCorrection": false,
	"SeriesNumber": 8,
	"AcquisitionTime": "11:00:12.230000",
	"AcquisitionNumber": 1,
	"ImageComments": "flip angle map, TraRefAmpl: 550.0 V",
	"SliceThickness": 2.5,
	"SpacingBetweenSlices": 5,
	"SAR": 0.0706517,
	"EchoTime": 0.00231,
	"RepetitionTime": 34.42,
	"SpoilingState": true,
	"FlipAngle": 90,
	"PartialFourier": 1,
	"BaseResolution": 144,
	"ShimSetting": [
		205,
		-6863,
		-1328,
		-215,
		-140,
		524,
		642,
		-203	],
	"TxRefAmp": 550,
	"PhaseResolution": 1,
	"ReceiveCoilName": "24CH_C-Spine",
	"ReceiveCoilActiveElements": "A01-04;B05-08;C09-12;D13-16;E17-20;H21-24",
	"PulseSequenceDetails": "%SiemensSeq%\\tfl_b1map",
	"CoilCombinationMethod": "Sum of Squares",
	"ConsistencyInfo": "N4_VE12U_LATEST_20181126",
	"MatrixCoilMode": "SENSE",
	"PercentPhaseFOV": 61.1111,
	"PercentSampling": 100,
	"PhaseEncodingSteps": 88,
	"AcquisitionMatrixPE": 88,
	"ReconMatrixPE": 88,
	"PixelBandwidth": 400,
	"DwellTime": 8.7e-06,
	"PhaseEncodingDirection": "i",
	"SliceTiming": [
		17.3203,
		0,
		17.9453,
		0.61719,
		18.5625,
		1.23438,
		19.1797,
		1.85156,
		19.7969,
		2.46875,
		20.4219,
		3.09375,
		21.0391,
		3.71094,
		21.6563,
		4.32813,
		22.2734,
		4.94531,
		22.8906,
		5.57031,
		23.5078,
		6.1875,
		24.1328,
		6.80469,
		24.75,
		7.42188,
		25.3672,
		8.03906,
		25.9922,
		8.66406,
		26.6094,
		9.28125,
		27.2266,
		9.89844,
		27.8438,
		10.5156,
		28.4609,
		11.1328,
		29.0781,
		11.7578,
		29.7031,
		12.375,
		30.3203,
		12.9922,
		30.9375,
		13.6094,
		31.5547,
		14.2266,
		32.1797,
		14.8516,
		32.7969,
		15.4688,
		33.4141,
		16.0859,
		34.0313,
		16.7031	],
	"ImageOrientationPatientDICOM": [
		0,
		1,
		0,
		0,
		0,
		-1	],
	"ImageOrientationText": "Sag",
	"InPlanePhaseEncodingDirectionDICOM": "ROW",
	"ConversionSoftware": "dcm2niix",
	"ConversionSoftwareVersion": "v1.0.20220720"
}
