{
	"Modality": "MR",
	"MagneticFieldStrength": 7,
	"ImagingFrequency": 297.191713,
	"Manufacturer": "Siemens",
	"ManufacturersModelName": "Terra",
	"InstitutionName": "MPI CBS",
	"InstitutionAddress": "Stephanstrasse 1a,Leipzig,Leipzig,DE,04103",
	"DeviceSerialNumber": "79125",
	"StationName": "SEPTEMSYS",
	"BodyPartExamined": "CSPINE",
	"PatientPosition": "HFS",
	"ProcedureStepDescription": "FE^TravelingSpine_Run",
	"SoftwareVersions": "syngo MR E12",
	"MRAcquisitionType": "2D",
	"SeriesDescription": "coilQA_sag_FH_1p5x1p5x2mm_smallFOV_24CH_SpinalCord_G-Factor",
	"ProtocolName": "coilQA_sag_FH_1p5x1p5x2mm_smallFOV",
	"ScanningSequence": "RM",
	"SequenceVariant": "SP",
	"SequenceName": "*fl2d1",
	"ImageType": ["ORIGINAL", "PRIMARY", "M", "ND"],
	"NonlinearGradientCorrection": false,
	"SeriesNumber": 58,
	"AcquisitionTime": "13:19:29.127500",
	"AcquisitionNumber": 1,
	"ImageComments": "1/G, R=2 [avg=974, Gmax=2.11, scale=1000.000, offset=0.000]",
	"SliceThickness": 2,
	"SpacingBetweenSlices": 2.4,
	"SAR": 0.0170383,
	"NumberOfAverages": 2,
	"FlipAngle": 12,
	"PartialFourier": 1,
	"BaseResolution": 128,
	"ShimSetting": [
		-1035,
		-825,
		-1295,
		-2221,
		-104,
		4056,
		-4391,
		206	],
	"TxRefAmp": 565.3,
	"PhaseResolution": 1,
	"ReceiveCoilName": "24CH_SpinalCord",
	"ReceiveCoilActiveElements": "A01-08;D09-16;E17-20;H21-24",
	"PulseSequenceDetails": "%ServiceSeq%\\coil_utils",
	"CoilCombinationMethod": "Adaptive Combine",
	"ConsistencyInfo": "N4_VE12U_LATEST_20181126",
	"MatrixCoilMode": "SENSE",
	"PercentPhaseFOV": 100,
	"PercentSampling": 100,
	"PhaseEncodingSteps": 128,
	"AcquisitionMatrixPE": 128,
	"ReconMatrixPE": 256,
	"PixelBandwidth": 200,
	"PhaseEncodingDirection": "j-",
	"SliceTiming": [
		0,
		7.6875,
		15.3594,
		23.0469,
		30.7188,
		38.4062,
		46.0781,
		53.7656,
		61.4375,
		69.125,
		76.7969,
		84.4844,
		92.1562	],
	"ImageOrientationPatientDICOM": [
		0,
		1,
		4.897e-12,
		0,
		4.897e-12,
		-1	],
	"InPlanePhaseEncodingDirectionDICOM": "COL",
	"BidsGuess": ["discard","_acq-fl2_run-58_localizer"],
	"ConversionSoftware": "dcm2niix",
	"ConversionSoftwareVersion": "v1.0.20240202"
}
