{
	"Modality": "MR",
	"MagneticFieldStrength": 7,
	"ImagingFrequency": 297.191953,
	"Manufacturer": "Siemens",
	"ManufacturersModelName": "Terra",
	"InstitutionName": "MPI CBS",
	"InstitutionAddress": "Stephanstrasse 1a,Leipzig,Leipzig,DE,04103",
	"DeviceSerialNumber": "79125",
	"StationName": "SEPTEMSYS",
	"BodyPartExamined": "CSPINE",
	"PatientPosition": "HFS",
	"ProcedureStepDescription": "FE^TravelingSpine_Run",
	"SoftwareVersions": "syngo MR E12",
	"MRAcquisitionType": "2D",
	"SeriesDescription": "FAMap_ND",
	"ProtocolName": "Dream2D_sag_2p5mmISO_mediumFOV_RefVolOpt_0p66",
	"ScanningSequence": "RM",
	"SequenceVariant": "SK\\SP",
	"SequenceName": "master",
	"ImageType": ["ORIGINAL", "PRIMARY", "M", "ND", "TXMAP"],
	"NonlinearGradientCorrection": false,
	"SeriesNumber": 50,
	"AcquisitionTime": "13:11:8.397500",
	"AcquisitionNumber": 1,
	"ImageComments": "Flipangle Map; Mean: 41.8deg",
	"SliceThickness": 2.5,
	"SpacingBetweenSlices": 2.5,
	"SAR": 0.00310197,
	"EchoNumber": 2,
	"EchoTime": 0.0031,
	"RepetitionTime": 6,
	"SpoilingState": true,
	"FlipAngle": 50,
	"PartialFourier": 1,
	"BaseResolution": 80,
	"ShimSetting": [
		-1111,
		1066,
		-656,
		-305,
		289,
		549,
		4222,
		73	],
	"TxRefAmp": 376.9,
	"PhaseResolution": 1,
	"ReceiveCoilName": "24CH_SpinalCord",
	"ReceiveCoilActiveElements": "A01-08;D09-16;E17-20;H21-24",
	"PulseSequenceDetails": "%CustomerSeq%\\ThreeDream",
	"WipMemBlock": "threedream 30e5ea5 v0.33",
	"CoilCombinationMethod": "Sum of Squares",
	"ConsistencyInfo": "N4_VE12U_LATEST_20181126",
	"MatrixCoilMode": "SENSE",
	"PercentPhaseFOV": 100,
	"PercentSampling": 100,
	"PhaseEncodingSteps": 80,
	"AcquisitionMatrixPE": 80,
	"ReconMatrixPE": 80,
	"PixelBandwidth": 1010,
	"PhaseEncodingDirection": "i",
	"SliceTiming": [
		0,
		6,
		12,
		18,
		24,
		30,
		36,
		42,
		48,
		54,
		60	],
	"ImageOrientationPatientDICOM": [
		0,
		1,
		0,
		0,
		0,
		-1	],
	"InPlanePhaseEncodingDirectionDICOM": "ROW",
	"ConversionSoftware": "dcm2niix",
	"ConversionSoftwareVersion": "v1.0.20240202"
}
