{
	"Modality": "MR",
	"MagneticFieldStrength": 7,
	"ImagingFrequency": 297.099,
	"Manufacturer": "Siemens",
	"ManufacturersModelName": "Terra",
	"InstitutionName": "St. Olav Hospital",
	"InstitutionalDepartmentName": "Department",
	"InstitutionAddress": "Prinsesse Kristinas Gate 1,Trondheim,District,NO,7030",
	"DeviceSerialNumber": "79123",
	"StationName": "AWP79123",
	"BodyPartExamined": "CSPINE",
	"PatientPosition": "HFS",
	"ProcedureStepDescription": "Johanna^TSSfinal",
	"SoftwareVersions": "syngo MR E12",
	"MRAcquisitionType": "2D",
	"SeriesDescription": "gre_2mmISO_multichannel_uncomb",
	"ProtocolName": "gre_2mmISO_multichannel_uncomb",
	"ScanningSequence": "GR",
	"SequenceVariant": "SP",
	"SequenceName": "*fl2d1",
	"ImageType": ["ORIGINAL", "PRIMARY", "M", "ND"],
	"NonlinearGradientCorrection": false,
	"SeriesNumber": 45,
	"AcquisitionTime": "15:50:38.685000",
	"AcquisitionNumber": 1,
	"SliceThickness": 2,
	"SpacingBetweenSlices": 2,
	"SAR": 0.103641,
	"EchoTime": 0.0038,
	"RepetitionTime": 0.55,
	"FlipAngle": 30,
	"PartialFourier": 1,
	"BaseResolution": 192,
	"ShimSetting": [
		112,
		-6319,
		-1464,
		-1433,
		-353,
		3751,
		-1096,
		-780	],
	"TxRefAmp": 408,
	"PhaseResolution": 1,
	"ReceiveCoilName": "24CH_C-Spine",
	"ReceiveCoilActiveElements": "A01-04;B05-08;C09-12;D13-16;E17-20;H21-24",
	"CoilString": "H24",
	"PulseSequenceDetails": "%SiemensSeq%\\gre",
	"CoilCombinationMethod": "Sum of Squares",
	"ConsistencyInfo": "N4_VE12U_LATEST_20181126",
	"MatrixCoilMode": "SENSE",
	"PercentPhaseFOV": 75,
	"PercentSampling": 100,
	"PhaseEncodingSteps": 144,
	"AcquisitionMatrixPE": 144,
	"ReconMatrixPE": 144,
	"PixelBandwidth": 320,
	"DwellTime": 8.1e-06,
	"PhaseEncodingDirection": "i",
	"SliceTiming": [
		0.28125,
		0,
		0.29688,
		0.01563,
		0.29688,
		0.03125,
		0.3125,
		0.04688,
		0.32813,
		0.04688,
		0.34375,
		0.0625,
		0.35938,
		0.07813,
		0.35938,
		0.09375,
		0.375,
		0.10938,
		0.39063,
		0.10938,
		0.40625,
		0.125,
		0.42188,
		0.14063,
		0.42188,
		0.15625,
		0.4375,
		0.17188,
		0.45313,
		0.17188,
		0.46875,
		0.1875,
		0.48438,
		0.20313,
		0.48438,
		0.21875,
		0.5,
		0.23438,
		0.51563,
		0.23438,
		0.53125,
		0.25,
		0.54688,
		0.26563	],
	"ImageOrientationPatientDICOM": [
		0,
		1,
		0,
		0,
		0,
		-1	],
	"ImageOrientationText": "Sag",
	"InPlanePhaseEncodingDirectionDICOM": "ROW",
	"ConversionSoftware": "dcm2niix",
	"ConversionSoftwareVersion": "v1.0.20220720"
}
