{
	"Modality": "MR",
	"MagneticFieldStrength": 7,
	"ImagingFrequency": 297.199,
	"Manufacturer": "Siemens",
	"ManufacturersModelName": "Investigational_Device_7T",
	"InstitutionName": "BIC",
	"InstitutionalDepartmentName": "Department",
	"InstitutionAddress": "Street StreetNo,City,District,CA,ZIP",
	"DeviceSerialNumber": "79017",
	"StationName": "AWP79017",
	"BodyPartExamined": "CSPINE",
	"PatientPosition": "HFS",
	"ProcedureStepDescription": "Development^Dr. Cohen-Adad",
	"SoftwareVersions": "syngo MR E12",
	"MRAcquisitionType": "2D",
	"SeriesDescription": "coilQA_tra_RL_0p5x0p5x5mm_NP11_ACDC_SPINE_G-Factor",
	"ProtocolName": "coilQA_tra_RL_0p5x0p5x5mm",
	"ScanningSequence": "RM",
	"SequenceVariant": "SP",
	"SequenceName": "*fl2d1",
	"ImageType": ["ORIGINAL", "PRIMARY", "M", "ND"],
	"NonlinearGradientCorrection": false,
	"SeriesNumber": 41,
	"AcquisitionTime": "13:16:28.152500",
	"AcquisitionNumber": 1,
	"ImageComments": "1/G, R=2 [avg=965, Gmax=1.57, scale=1000.000, offset=0.000]",
	"SliceThickness": 5,
	"SpacingBetweenSlices": 20,
	"SAR": 0.00471819,
	"NumberOfAverages": 2,
	"FlipAngle": 12,
	"PartialFourier": 1,
	"BaseResolution": 384,
	"ShimSetting": [
		149,
		-46,
		17,
		-75,
		15,
		-127,
		-100,
		-237	],
	"TxRefAmp": 464,
	"PhaseResolution": 1,
	"ReceiveCoilName": "NP11_ACDC_SPINE",
	"ReceiveCoilActiveElements": "1H;1H;1H;1H;1H;1H;1H;1H;1H;1H;1H;1H;1H;1H;1H;1H;1H;1H;1H;1H",
	"PulseSequenceDetails": "%ServiceSeq%\\coil_utils",
	"CoilCombinationMethod": "Adaptive Combine",
	"ConsistencyInfo": "N4_VE12U_LATEST_20181126",
	"MatrixCoilMode": "SENSE",
	"PercentPhaseFOV": 100,
	"PercentSampling": 100,
	"PhaseEncodingSteps": 384,
	"AcquisitionMatrixPE": 384,
	"ReconMatrixPE": 768,
	"PixelBandwidth": 200,
	"DwellTime": 6.5e-06,
	"PhaseEncodingDirection": "i",
	"SliceTiming": [
		0,
		23.0312,
		46.0781,
		69.1094,
		92.1562,
		75.2031,
		98.2344	],
	"ImageOrientationPatientDICOM": [
		1,
		0,
		0,
		0,
		1,
		0	],
	"ImageOrientationText": "Tra",
	"InPlanePhaseEncodingDirectionDICOM": "ROW",
	"ConversionSoftware": "dcm2niix",
	"ConversionSoftwareVersion": "v1.0.20220720"
}
