{
	"Modality": "MR",
	"MagneticFieldStrength": 6.98,
	"ImagingFrequency": 297.215,
	"Manufacturer": "Siemens",
	"ManufacturersModelName": "Investigational_Device_7T",
	"DeviceSerialNumber": "18973",
	"PatientPosition": "HFS",
	"SoftwareVersions": "syngo MR B17",
	"MRAcquisitionType": "3D",
	"SeriesDescription": "t1_mp2rage_cor_nonSelHS1_0p7iso_INV2",
	"ProtocolName": "t1_mp2rage_cor_nonSelHS1_0p7iso",
	"ScanningSequence": "GR\\IR",
	"SequenceVariant": "SP\\MP",
	"ScanOptions": "IR\\PFP",
	"SequenceName": "tfl3d1_ns",
	"ImageType": ["ORIGINAL", "PRIMARY", "M", "DIS3D", "DIS2D"],
	"NonlinearGradientCorrection": true,
	"SeriesNumber": 13,
	"AcquisitionNumber": 1,
	"SliceThickness": 0.7,
	"SAR": 0.0782645,
	"EchoTime": 0.00212,
	"RepetitionTime": 5,
	"InversionTime": 2.4,
	"FlipAngle": 5,
	"PercentPhaseFOV": 65.2174,
	"PercentSampling": 100,
	"PhaseEncodingSteps": 179,
	"AcquisitionMatrixPE": 240,
	"ReconMatrixPE": 240,
	"PixelBandwidth": 219,
	"ImageOrientationPatientDICOM": [
		1,
		0,
		0,
		0,
		0.0906326,
		-0.995884	],
	"InPlanePhaseEncodingDirectionDICOM": "ROW",
	"ConversionSoftware": "dcm2niix",
	"ConversionSoftwareVersion": "v1.0.20220720"
}
