{
	"Modality": "MR",
	"MagneticFieldStrength": 7,
	"ImagingFrequency": 297.212,
	"Manufacturer": "Siemens",
	"ManufacturersModelName": "Terra",
	"InstitutionName": "Wellcome Trust Centre Human Neuroimaging",
	"InstitutionalDepartmentName": "Terra",
	"InstitutionAddress": "Queens Square 12,London,London,GB,WC1N 3AR",
	"DeviceSerialNumber": "79120",
	"StationName": "AWP79120",
	"BodyPartExamined": "CSPINE",
	"PatientPosition": "HFS",
	"ProcedureStepDescription": "FIL Physics^Nadine",
	"SoftwareVersions": "syngo MR E12",
	"MRAcquisitionType": "2D",
	"SeriesDescription": "gre_2mmISO_multichannel_uncomb",
	"ProtocolName": "gre_2mmISO_multichannel_uncomb",
	"ScanningSequence": "GR",
	"SequenceVariant": "SP",
	"SequenceName": "*fl2d1",
	"ImageType": ["ORIGINAL", "PRIMARY", "M", "DIS3D", "DIS2D"],
	"NonlinearGradientCorrection": true,
	"SeriesNumber": 50,
	"AcquisitionTime": "12:06:37.930000",
	"AcquisitionNumber": 1,
	"SliceThickness": 2,
	"SpacingBetweenSlices": 2,
	"SAR": 0.088528,
	"EchoTime": 0.0038,
	"RepetitionTime": 0.55,
	"FlipAngle": 24,
	"PartialFourier": 1,
	"BaseResolution": 192,
	"ShimSetting": [
		763,
		1743,
		-1640,
		599,
		-419,
		105,
		796,
		-93	],
	"TxRefAmp": 482,
	"PhaseResolution": 1,
	"ReceiveCoilName": "1Tx8Rx_CSpine",
	"ReceiveCoilActiveElements": "CSP",
	"PulseSequenceDetails": "%SiemensSeq%\\gre",
	"CoilCombinationMethod": "Sum of Squares",
	"ConsistencyInfo": "N4_VE12U_LATEST_20181126",
	"MatrixCoilMode": "SENSE",
	"PercentPhaseFOV": 75,
	"PercentSampling": 100,
	"PhaseEncodingSteps": 144,
	"AcquisitionMatrixPE": 144,
	"ReconMatrixPE": 144,
	"PixelBandwidth": 320,
	"DwellTime": 8.1e-06,
	"PhaseEncodingDirection": "i",
	"SliceTiming": [
		0.27344,
		0,
		0.28906,
		0.00781,
		0.29688,
		0.02344,
		0.3125,
		0.03906,
		0.32031,
		0.04688,
		0.33594,
		0.0625,
		0.35156,
		0.07031,
		0.35938,
		0.08594,
		0.375,
		0.10156,
		0.38281,
		0.10938,
		0.39844,
		0.125,
		0.41406,
		0.13281,
		0.42188,
		0.14844,
		0.4375,
		0.16406,
		0.44531,
		0.17188,
		0.46094,
		0.1875,
		0.47656,
		0.19531,
		0.48438,
		0.21094,
		0.5,
		0.22656,
		0.50781,
		0.23438,
		0.52344,
		0.25,
		0.53906,
		0.25781	],
	"ImageOrientationPatientDICOM": [
		0,
		1,
		0,
		0,
		0,
		-1	],
	"ImageOrientationText": "Sag",
	"InPlanePhaseEncodingDirectionDICOM": "ROW",
	"ConversionSoftware": "dcm2niix",
	"ConversionSoftwareVersion": "v1.0.20220720"
}
