{
	"Modality": "MR",
	"MagneticFieldStrength": 7,
	"ImagingFrequency": 297.192412,
	"Manufacturer": "Siemens",
	"ManufacturersModelName": "Terra",
	"InstitutionName": "Max-Planck-Institut",
	"InstitutionAddress": "Stephanstrasse 1a,Leipzig,Leipzig,DE,04103",
	"DeviceSerialNumber": "79125",
	"StationName": "SEPTEMSYS",
	"BodyPartExamined": "CSPINE",
	"PatientPosition": "HFS",
	"ProcedureStepDescription": "FE^TravelingSpine_Run",
	"SoftwareVersions": "syngo MR E12",
	"MRAcquisitionType": "2D",
	"SeriesDescription": "tfl_sag_2p5mmISO_largeFOV_ND",
	"ProtocolName": "tfl_sag_2p5mmISO_largeFOV",
	"ScanningSequence": "GR",
	"SequenceVariant": "SK\\SP",
	"SequenceName": "tfl2d1_512",
	"ImageType": ["ORIGINAL", "PRIMARY", "FLIP ANGLE MAP", "ND"],
	"NonlinearGradientCorrection": false,
	"SeriesNumber": 12,
	"AcquisitionTime": "10:46:35.690000",
	"AcquisitionNumber": 1,
	"ImageComments": "flip angle map, TraRefAmpl: 408.0 V",
	"SliceThickness": 2.5,
	"SpacingBetweenSlices": 5,
	"SAR": 0.0413331,
	"EchoTime": 0.00231,
	"RepetitionTime": 34.42,
	"SpoilingState": true,
	"FlipAngle": 90,
	"PartialFourier": 1,
	"BaseResolution": 144,
	"ShimSetting": [
		-1020,
		874,
		-885,
		-2996,
		-257,
		5155,
		-2243,
		221	],
	"TxRefAmp": 408,
	"PhaseResolution": 1,
	"ReceiveCoilName": "24CH_SpinalCord",
	"ReceiveCoilActiveElements": "A01-08;D09-16;E17-20;H21-24",
	"PulseSequenceDetails": "%SiemensSeq%\\tfl_b1map",
	"CoilCombinationMethod": "Sum of Squares",
	"ConsistencyInfo": "N4_VE12U_LATEST_20181126",
	"MatrixCoilMode": "SENSE",
	"PercentPhaseFOV": 62.5,
	"PercentSampling": 100,
	"PhaseEncodingSteps": 90,
	"AcquisitionMatrixPE": 90,
	"ReconMatrixPE": 90,
	"PixelBandwidth": 400,
	"PhaseEncodingDirection": "i",
	"SliceTiming": [
		17.3281,
		0,
		17.9453,
		0.61719,
		18.5625,
		1.23438,
		19.1797,
		1.85156,
		19.7969,
		2.47656,
		20.4219,
		3.09375,
		21.0391,
		3.71094,
		21.6562,
		4.32812,
		22.2734,
		4.94531,
		22.8984,
		5.57031,
		23.5156,
		6.1875,
		24.1328,
		6.80469,
		24.75,
		7.42188,
		25.3672,
		8.04688,
		25.9844,
		8.66406,
		26.6094,
		9.28125,
		27.2266,
		9.89844,
		27.8438,
		10.5156,
		28.4609,
		11.1328,
		29.0859,
		11.7578,
		29.7031,
		12.375,
		30.3203,
		12.9922,
		30.9375,
		13.6094,
		31.5547,
		14.2344,
		32.1797,
		14.8516,
		32.7969,
		15.4688,
		33.4141,
		16.0859,
		34.0312,
		16.7031	],
	"ImageOrientationPatientDICOM": [
		0,
		1,
		0,
		0,
		0,
		-1	],
	"InPlanePhaseEncodingDirectionDICOM": "ROW",
	"BidsGuess": ["discard","_acq-tfl2_run-12_localizer"],
	"ConversionSoftware": "dcm2niix",
	"ConversionSoftwareVersion": "v1.0.20240202"
}
