{
	"Modality": "MR",
	"MagneticFieldStrength": 7,
	"ImagingFrequency": 297.099,
	"Manufacturer": "Siemens",
	"ManufacturersModelName": "Terra",
	"InstitutionName": "St. Olav Hospital",
	"InstitutionalDepartmentName": "Department",
	"InstitutionAddress": "Prinsesse Kristinas Gate 1,Trondheim,District,NO,7030",
	"DeviceSerialNumber": "79123",
	"StationName": "AWP79123",
	"BodyPartExamined": "CSPINE",
	"PatientPosition": "HFS",
	"ProcedureStepDescription": "Johanna^TSSfinal",
	"SoftwareVersions": "syngo MR E12",
	"MRAcquisitionType": "3D",
	"SeriesDescription": "t1_mp2rage_cor_nonSelHS1_0.7iso_INV2",
	"ProtocolName": "t1_mp2rage_cor_nonSelHS1_0.7iso",
	"ScanningSequence": "GR\\IR",
	"SequenceVariant": "SK\\SP\\MP",
	"ScanOptions": "IR\\PFP",
	"SequenceName": "tfl3d1_16ns",
	"ImageType": ["ORIGINAL", "PRIMARY", "M", "DIS3D", "DIS2D"],
	"NonlinearGradientCorrection": true,
	"SeriesNumber": 48,
	"AcquisitionTime": "11:25:5.595000",
	"AcquisitionNumber": 1,
	"SliceThickness": 0.7,
	"SAR": 0.0975092,
	"EchoTime": 0.00215,
	"RepetitionTime": 5,
	"SpoilingState": true,
	"InversionTime": 2.4,
	"FlipAngle": 5,
	"PartialFourier": 0.75,
	"BaseResolution": 368,
	"ShimSetting": [
		99,
		-7683,
		-1594,
		-1117,
		476,
		3087,
		-2408,
		243	],
	"TxRefAmp": 550,
	"PhaseResolution": 1,
	"ReceiveCoilName": "24CH_C-Spine",
	"ReceiveCoilActiveElements": "A01-04;B05-08;C09-12;D13-16;E17-20;H21-24",
	"PulseSequenceDetails": "%CustomerSeq%\\crmbm_tfl",
	"RefLinesPE": 28,
	"CoilCombinationMethod": "Sum of Squares",
	"ConsistencyInfo": "N4_VE12U_LATEST_20181126",
	"MatrixCoilMode": "GRAPPA",
	"PercentPhaseFOV": 65.7609,
	"PercentSampling": 100,
	"PhaseEncodingSteps": 182,
	"AcquisitionMatrixPE": 242,
	"ReconMatrixPE": 242,
	"ParallelReductionFactorInPlane": 2,
	"PixelBandwidth": 220,
	"DwellTime": 6.2e-06,
	"ImageOrientationPatientDICOM": [
		0.999927,
		0.000521233,
		-0.0120698,
		-0.012005,
		0.154777,
		-0.987876	],
	"ImageOrientationText": "Cor>Tra(-8.9)>Sag(-0.1)",
	"InPlanePhaseEncodingDirectionDICOM": "ROW",
	"ConversionSoftware": "dcm2niix",
	"ConversionSoftwareVersion": "v1.0.20220720"
}
