{
	"Modality": "MR",
	"MagneticFieldStrength": 7,
	"ImagingFrequency": 297.099,
	"Manufacturer": "Siemens",
	"ManufacturersModelName": "Terra",
	"InstitutionName": "St. Olav Hospital",
	"InstitutionalDepartmentName": "Department",
	"InstitutionAddress": "Prinsesse Kristinas Gate 1,Trondheim,District,NO,7030",
	"DeviceSerialNumber": "79123",
	"StationName": "AWP79123",
	"BodyPartExamined": "CSPINE",
	"PatientPosition": "HFS",
	"ProcedureStepDescription": "Johanna^TSSfinal",
	"SoftwareVersions": "syngo MR E12",
	"MRAcquisitionType": "2D",
	"SeriesDescription": "tfl_sag_2p5mmISO_largeFOV_refv450_ND",
	"ProtocolName": "tfl_sag_2p5mmISO_largeFOV_refv450",
	"ScanningSequence": "GR",
	"SequenceVariant": "SK\\SP",
	"SequenceName": "tfl2d1_512",
	"ImageType": ["ORIGINAL", "PRIMARY", "FLIP ANGLE MAP", "ND"],
	"NonlinearGradientCorrection": false,
	"SeriesNumber": 8,
	"AcquisitionTime": "13:49:20.052500",
	"AcquisitionNumber": 1,
	"ImageComments": "flip angle map, TraRefAmpl: 450.0 V",
	"SliceThickness": 2.5,
	"SpacingBetweenSlices": 5,
	"SAR": 0.0600044,
	"EchoTime": 0.00231,
	"RepetitionTime": 34.42,
	"SpoilingState": true,
	"FlipAngle": 90,
	"PartialFourier": 1,
	"BaseResolution": 144,
	"ShimSetting": [
		101,
		-6628,
		-632,
		22,
		5,
		122,
		301,
		736	],
	"TxRefAmp": 450,
	"PhaseResolution": 1,
	"ReceiveCoilName": "24CH_C-Spine",
	"ReceiveCoilActiveElements": "A01-04;B05-08;C09-12;D13-16;E17-20;H21-24",
	"PulseSequenceDetails": "%SiemensSeq%\\tfl_b1map",
	"CoilCombinationMethod": "Sum of Squares",
	"ConsistencyInfo": "N4_VE12U_LATEST_20181126",
	"MatrixCoilMode": "SENSE",
	"PercentPhaseFOV": 61.1111,
	"PercentSampling": 100,
	"PhaseEncodingSteps": 88,
	"AcquisitionMatrixPE": 88,
	"ReconMatrixPE": 88,
	"PixelBandwidth": 400,
	"DwellTime": 8.7e-06,
	"PhaseEncodingDirection": "i",
	"SliceTiming": [
		17.3281,
		0,
		17.9531,
		0.625,
		18.5625,
		1.23438,
		19.1875,
		1.85938,
		19.7969,
		2.46875,
		20.4219,
		3.09375,
		21.0469,
		3.71875,
		21.6563,
		4.32813,
		22.2813,
		4.95313,
		22.9063,
		5.5625,
		23.5156,
		6.1875,
		24.1406,
		6.8125,
		24.75,
		7.42188,
		25.375,
		8.04688,
		25.9844,
		8.65625,
		26.6094,
		9.28125,
		27.2344,
		9.90625,
		27.8438,
		10.5156,
		28.4688,
		11.1406,
		29.0938,
		11.7656,
		29.7031,
		12.375,
		30.3281,
		13,
		30.9375,
		13.6094,
		31.5625,
		14.2344,
		32.1875,
		14.8594,
		32.7969,
		15.4688,
		33.4219,
		16.0938,
		34.0313,
		16.7031	],
	"ImageOrientationPatientDICOM": [
		0,
		1,
		0,
		0,
		0,
		-1	],
	"ImageOrientationText": "Sag",
	"InPlanePhaseEncodingDirectionDICOM": "ROW",
	"ConversionSoftware": "dcm2niix",
	"ConversionSoftwareVersion": "v1.0.20220720"
}
