{
	"Modality": "MR",
	"MagneticFieldStrength": 7,
	"ImagingFrequency": 297.19,
	"Manufacturer": "Siemens",
	"ManufacturersModelName": "Terra",
	"InstitutionName": "CEMEREM 7T",
	"InstitutionalDepartmentName": "CEMEREM",
	"InstitutionAddress": "RUE ST PIERRE 264,Marseille,District,FR,13006",
	"DeviceSerialNumber": "79132",
	"StationName": "AWP79132",
	"BodyPartExamined": "CSPINE",
	"PatientPosition": "HFS",
	"ProcedureStepDescription": "VCAL^THS_fMRI_coilQA",
	"SoftwareVersions": "syngo MR E12",
	"MRAcquisitionType": "3D",
	"SeriesDescription": "t1_mp2rage_cor_nonSelHS1_0.7iso_OPT434_RUN370_INV2",
	"ProtocolName": "t1_mp2rage_cor_nonSelHS1_0.7iso_OPT434_RUN370",
	"ScanningSequence": "GR\\IR",
	"SequenceVariant": "SK\\SP\\MP",
	"ScanOptions": "IR\\PFP",
	"SequenceName": "tfl3d1_16ns",
	"ImageType": ["ORIGINAL", "PRIMARY", "M", "DIS3D", "DIS2D"],
	"NonlinearGradientCorrection": true,
	"SeriesNumber": 58,
	"AcquisitionTime": "10:04:7.600000",
	"AcquisitionNumber": 1,
	"SliceThickness": 0.7,
	"SAR": 0.0594038,
	"EchoTime": 0.00213,
	"RepetitionTime": 5,
	"SpoilingState": true,
	"InversionTime": 2.4,
	"FlipAngle": 5,
	"PartialFourier": 0.75,
	"BaseResolution": 368,
	"ShimSetting": [
		1473,
		-1163,
		-175,
		-1535,
		128,
		698,
		-1434,
		312	],
	"TxRefAmp": 370,
	"PhaseResolution": 1,
	"ReceiveCoilName": "1Tx8Rx_CSpine",
	"ReceiveCoilActiveElements": "CSP",
	"PulseSequenceDetails": "%CustomerSeq%\\crmbm_tfl",
	"RefLinesPE": 28,
	"CoilCombinationMethod": "Sum of Squares",
	"ConsistencyInfo": "N4_VE12U_LATEST_20181126",
	"MatrixCoilMode": "GRAPPA",
	"PercentPhaseFOV": 65.7609,
	"PercentSampling": 100,
	"PhaseEncodingSteps": 182,
	"AcquisitionMatrixPE": 242,
	"ReconMatrixPE": 242,
	"ParallelReductionFactorInPlane": 2,
	"PixelBandwidth": 225,
	"DwellTime": 6.1e-06,
	"ImageOrientationPatientDICOM": [
		0.999925,
		-0.0012884,
		-0.0122168,
		-0.0122098,
		0.00531508,
		-0.999911	],
	"ImageOrientationText": "Cor>Tra(-0.3)>Sag(-0.1)",
	"InPlanePhaseEncodingDirectionDICOM": "ROW",
	"ConversionSoftware": "dcm2niix",
	"ConversionSoftwareVersion": "v1.0.20220720"
}
